{
  "aor": 0.0049009704641350205,
  "aqi": 0.010477028691983121,
  "bids_meta": {
    "AcquisitionNumber": 7,
    "Conditions": [
      "Toes",
      "Ankle",
      "Knee",
      "Abdomen",
      "Shoulder",
      "Elbow",
      "Wrist",
      "Little finger",
      "Ring finger",
      "Middle finger",
      "Index finger",
      "Thumb",
      "Forehead",
      "Eyelid",
      "Nostrils",
      "Lip",
      "Jaw",
      "Tongue"
    ],
    "ConversionSoftware": "dcm2niix",
    "ConversionSoftwareVersion": "v1.0.20211006",
    "EchoTime": 0.025,
    "FlipAngle": 70,
    "ImageComments": "fMRI_PC",
    "ImageOrientationPatientDICOM": [
      1,
      0,
      0,
      0,
      1,
      0
    ],
    "MagneticFieldStrength": 7,
    "Manufacturer": "Philips",
    "Modality": "MR",
    "MultisliceMode": "interleaved",
    "PatientPosition": "HFS",
    "PhilipsRescaleIntercept": 0,
    "PhilipsRescaleSlope": 2.15189,
    "PhilipsScaleSlope": 0.00445877,
    "ProtocolName": "fMRI_BodyMap",
    "RepetitionTime": 2.1,
    "SeriesDescription": "ImageMRSERIES",
    "SeriesNumber": 7,
    "SliceThickness": 1.75,
    "SliceTiming": [
      0.0,
      1.07561,
      0.0512195,
      1.12683,
      0.102439,
      1.17805,
      0.153659,
      1.22927,
      0.204878,
      1.28049,
      0.256098,
      1.33171,
      0.307317,
      1.38293,
      0.358537,
      1.43415,
      0.409756,
      1.48537,
      0.460976,
      1.53659,
      0.512195,
      1.5878,
      0.563415,
      1.63902,
      0.614634,
      1.69024,
      0.665854,
      1.74146,
      0.717073,
      1.79268,
      0.768293,
      1.8439,
      0.819512,
      1.89512,
      0.870732,
      1.94634,
      0.921951,
      1.99756,
      0.973171,
      2.04878,
      1.02439
    ],
    "Slices": 41,
    "TR": 2.1,
    "TaskName": "Body Motor",
    "UsePhilipsFloatNotDisplayScaling": 0,
    "dataset": "ds003972",
    "modality": "bold",
    "run_id": 1,
    "subject_id": "04",
    "task_id": "bodymotor"
  },
  "dummy_trs": 0,
  "dvars_nstd": 39.694262642330536,
  "dvars_std": 1.2717928716101685,
  "dvars_vstd": 1.0347404868644061,
  "efc": 0.43684669568948026,
  "fber": 398624.375,
  "fd_mean": 0.16465187734514095,
  "fd_num": 53,
  "fd_perc": 22.362869198312236,
  "fwhm_avg": 2.6088837435815213,
  "fwhm_x": 2.6010656300759782,
  "fwhm_y": 2.9069798863828717,
  "fwhm_z": 2.318605714285714,
  "gcor": 0.0220009,
  "gsr_x": -0.014446044340729713,
  "gsr_y": 0.020217562094330788,
  "provenance": {
    "md5sum": "1b461fd4547fb4624347698d128bfe05",
    "settings": {
      "fd_thres": 0.2,
      "testing": false
    },
    "software": "mriqc",
    "version": "23.0.0",
    "webapi_port": null,
    "webapi_url": "https://mriqc.nimh.nih.gov/api/v1"
  },
  "size_t": 237,
  "size_x": 144,
  "size_y": 144,
  "size_z": 41,
  "snr": 2.870887921533981,
  "spacing_tr": 2.0999999046325684,
  "spacing_x": 1.5859999656677246,
  "spacing_y": 1.5859999656677246,
  "spacing_z": 1.75,
  "summary_bg_k": 49.23935038102582,
  "summary_bg_mad": 1.6240300693443808,
  "summary_bg_mean": 13.505825996398926,
  "summary_bg_median": 1.100841999053955,
  "summary_bg_n": 587496.0,
  "summary_bg_p05": 0.001658218214288354,
  "summary_bg_p95": 69.1654224395752,
  "summary_bg_stdv": 33.53769302368164,
  "summary_fg_k": 3.4702184808320764,
  "summary_fg_mad": 191.03977499988412,
  "summary_fg_mean": 766.9007568359375,
  "summary_fg_median": 729.6420288085938,
  "summary_fg_n": 162493.0,
  "summary_fg_p05": 444.96650390625,
  "summary_fg_p95": 1230.256005859375,
  "summary_fg_stdv": 254.15126037597656,
  "tsnr": 41.644004821777344
}