{
  "aor": 0.0038451308900523565,
  "aqi": 0.013907877172774866,
  "bids_meta": {
    "AcquisitionNumber": 11,
    "Conditions": [
      "Toes",
      "Ankle",
      "Knee",
      "Abdomen",
      "Shoulder",
      "Elbow",
      "Wrist",
      "Little finger",
      "Ring finger",
      "Middle finger",
      "Index finger",
      "Thumb",
      "Forehead",
      "Eyelid",
      "Nostrils",
      "Lip",
      "Jaw",
      "Tongue"
    ],
    "ConversionSoftware": "dcm2niix",
    "ConversionSoftwareVersion": "v1.0.20211006",
    "EchoTime": 0.025,
    "FlipAngle": 70,
    "ImageComments": "fMRI_PC",
    "ImageOrientationPatientDICOM": [
      1,
      0,
      0,
      0,
      1,
      0
    ],
    "MagneticFieldStrength": 7,
    "Manufacturer": "Philips",
    "Modality": "MR",
    "MultisliceMode": "interleaved",
    "PatientPosition": "HFS",
    "PhilipsRescaleIntercept": 0,
    "PhilipsRescaleSlope": 1.76093,
    "PhilipsScaleSlope": 0.00471981,
    "ProtocolName": "fMRI_BodyMap",
    "RepetitionTime": 2.1,
    "SeriesDescription": "ImageMRSERIES",
    "SeriesNumber": 11,
    "SliceThickness": 1.75,
    "SliceTiming": [
      0.0,
      1.07561,
      0.0512195,
      1.12683,
      0.102439,
      1.17805,
      0.153659,
      1.22927,
      0.204878,
      1.28049,
      0.256098,
      1.33171,
      0.307317,
      1.38293,
      0.358537,
      1.43415,
      0.409756,
      1.48537,
      0.460976,
      1.53659,
      0.512195,
      1.5878,
      0.563415,
      1.63902,
      0.614634,
      1.69024,
      0.665854,
      1.74146,
      0.717073,
      1.79268,
      0.768293,
      1.8439,
      0.819512,
      1.89512,
      0.870732,
      1.94634,
      0.921951,
      1.99756,
      0.973171,
      2.04878,
      1.02439
    ],
    "Slices": 41,
    "TR": 2.1,
    "TaskName": "Body Motor",
    "UsePhilipsFloatNotDisplayScaling": 0,
    "dataset": "ds003972",
    "modality": "bold",
    "run_id": 3,
    "subject_id": "02",
    "task_id": "bodymotor"
  },
  "dummy_trs": 0,
  "dvars_nstd": 33.29021235005264,
  "dvars_std": 1.1381576462631577,
  "dvars_vstd": 0.9920882497894747,
  "efc": 0.4528634100159664,
  "fber": 225021.921875,
  "fd_mean": 0.17366915521268575,
  "fd_num": 61,
  "fd_perc": 31.93717277486911,
  "fwhm_avg": 2.3323502070255873,
  "fwhm_x": 2.3528689033917676,
  "fwhm_y": 2.6203531462564222,
  "fwhm_z": 2.0238285714285715,
  "gcor": 0.00755122,
  "gsr_x": 0.015078526921570301,
  "gsr_y": 0.010099864564836025,
  "provenance": {
    "md5sum": "bba3156cc19bc21331ed3e95f696cff5",
    "settings": {
      "fd_thres": 0.2,
      "testing": false
    },
    "software": "mriqc",
    "version": "23.0.0",
    "webapi_port": null,
    "webapi_url": "https://mriqc.nimh.nih.gov/api/v1"
  },
  "size_t": 191,
  "size_x": 144,
  "size_y": 144,
  "size_z": 41,
  "snr": 3.460381785751515,
  "spacing_tr": 2.0999999046325684,
  "spacing_x": 1.5859999656677246,
  "spacing_y": 1.5859999656677246,
  "spacing_z": 1.75,
  "summary_bg_k": 47.129303858450044,
  "summary_bg_mad": 2.136203530529329,
  "summary_bg_mean": 17.221513748168945,
  "summary_bg_median": 1.4653608798980713,
  "summary_bg_n": 583072.0,
  "summary_bg_p05": 0.010504368506371976,
  "summary_bg_p95": 83.8796630859375,
  "summary_bg_stdv": 51.963104248046875,
  "summary_fg_k": 3.661786473353529,
  "summary_fg_mad": 169.44417696855766,
  "summary_fg_mean": 713.7699584960938,
  "summary_fg_median": 690.2739868164062,
  "summary_fg_n": 167616.0,
  "summary_fg_p05": 445.10152435302734,
  "summary_fg_p95": 1053.1951904296875,
  "summary_fg_stdv": 199.47854614257812,
  "tsnr": 39.572967529296875
}