{
  "aor": 0.0037550210970464133,
  "aqi": 0.009921570464135021,
  "bids_meta": {
    "AcquisitionNumber": 7,
    "Conditions": [
      "Toes",
      "Ankle",
      "Knee",
      "Abdomen",
      "Shoulder",
      "Elbow",
      "Wrist",
      "Little finger",
      "Ring finger",
      "Middle finger",
      "Index finger",
      "Thumb",
      "Forehead",
      "Eyelid",
      "Nostrils",
      "Lip",
      "Jaw",
      "Tongue"
    ],
    "ConversionSoftware": "dcm2niix",
    "ConversionSoftwareVersion": "v1.0.20211006",
    "EchoTime": 0.025,
    "FlipAngle": 70,
    "ImageComments": "fMRI_PC",
    "ImageOrientationPatientDICOM": [
      1,
      0,
      0,
      0,
      1,
      0
    ],
    "MagneticFieldStrength": 7,
    "Manufacturer": "Philips",
    "Modality": "MR",
    "MultisliceMode": "interleaved",
    "PatientPosition": "HFS",
    "PhilipsRescaleIntercept": 0,
    "PhilipsRescaleSlope": 2.11966,
    "PhilipsScaleSlope": 0.0058529,
    "ProtocolName": "fMRI_BodyMap",
    "RepetitionTime": 2.1,
    "SeriesDescription": "ImageMRSERIES",
    "SeriesNumber": 7,
    "SliceThickness": 1.75,
    "SliceTiming": [
      0.0,
      1.07561,
      0.0512195,
      1.12683,
      0.102439,
      1.17805,
      0.153659,
      1.22927,
      0.204878,
      1.28049,
      0.256098,
      1.33171,
      0.307317,
      1.38293,
      0.358537,
      1.43415,
      0.409756,
      1.48537,
      0.460976,
      1.53659,
      0.512195,
      1.5878,
      0.563415,
      1.63902,
      0.614634,
      1.69024,
      0.665854,
      1.74146,
      0.717073,
      1.79268,
      0.768293,
      1.8439,
      0.819512,
      1.89512,
      0.870732,
      1.94634,
      0.921951,
      1.99756,
      0.973171,
      2.04878,
      1.02439
    ],
    "Slices": 41,
    "TR": 2.1,
    "TaskName": "Body Motor",
    "UsePhilipsFloatNotDisplayScaling": 0,
    "dataset": "ds003972",
    "modality": "bold",
    "run_id": 1,
    "subject_id": "06",
    "task_id": "bodymotor"
  },
  "dummy_trs": 0,
  "dvars_nstd": 30.856972556991515,
  "dvars_std": 1.0647128698728816,
  "dvars_vstd": 0.9586451724576268,
  "efc": 0.4033918561224087,
  "fber": 2250255.75,
  "fd_mean": 0.10039174898214455,
  "fd_num": 22,
  "fd_perc": 9.282700421940929,
  "fwhm_avg": 2.492666039568952,
  "fwhm_x": 2.518726410134684,
  "fwhm_y": 2.7819231371436013,
  "fwhm_z": 2.1773485714285714,
  "gcor": 0.0223302,
  "gsr_x": -0.0070266262628138065,
  "gsr_y": 0.011248793452978134,
  "provenance": {
    "md5sum": "e3f1c4a447ce91caa85c563c8fd558ec",
    "settings": {
      "fd_thres": 0.2,
      "testing": false
    },
    "software": "mriqc",
    "version": "23.0.0",
    "webapi_port": null,
    "webapi_url": "https://mriqc.nimh.nih.gov/api/v1"
  },
  "size_t": 237,
  "size_x": 144,
  "size_y": 144,
  "size_z": 41,
  "snr": 3.361046239294648,
  "spacing_tr": 2.0999999046325684,
  "spacing_x": 1.5859999656677246,
  "spacing_y": 1.5859999656677246,
  "spacing_z": 1.75,
  "summary_bg_k": 68.4420095954786,
  "summary_bg_mad": 0.8015786765543347,
  "summary_bg_mean": 10.860589981079102,
  "summary_bg_median": 0.5424039959907532,
  "summary_bg_n": 611919.0,
  "summary_bg_p05": 0.001683549152221531,
  "summary_bg_p95": 52.732683563232406,
  "summary_bg_stdv": 31.705005645751953,
  "summary_fg_k": 1.5612993789665035,
  "summary_fg_mad": 217.82226376995766,
  "summary_fg_mean": 846.4934692382812,
  "summary_fg_median": 824.7597045898438,
  "summary_fg_n": 140761.0,
  "summary_fg_p05": 490.2201843261719,
  "summary_fg_p95": 1274.298828125,
  "summary_fg_stdv": 245.3869171142578,
  "tsnr": 42.11240005493164
}