{
  "aor": 0.011290886075949368,
  "aqi": 0.028040948185654006,
  "bids_meta": {
    "AcquisitionNumber": 8,
    "Conditions": [
      "Toes",
      "Ankle",
      "Knee",
      "Abdomen",
      "Shoulder",
      "Elbow",
      "Wrist",
      "Little finger",
      "Ring finger",
      "Middle finger",
      "Index finger",
      "Thumb",
      "Forehead",
      "Eyelid",
      "Nostrils",
      "Lip",
      "Jaw",
      "Tongue"
    ],
    "ConversionSoftware": "dcm2niix",
    "ConversionSoftwareVersion": "v1.0.20211006",
    "EchoTime": 0.025,
    "FlipAngle": 70,
    "ImageComments": "fMRI_PC",
    "ImageOrientationPatientDICOM": [
      1,
      0,
      0,
      0,
      1,
      0
    ],
    "MagneticFieldStrength": 7,
    "Manufacturer": "Philips",
    "Modality": "MR",
    "MultisliceMode": "interleaved",
    "PatientPosition": "HFS",
    "PhilipsRescaleIntercept": 0,
    "PhilipsRescaleSlope": 2.1558,
    "PhilipsScaleSlope": 0.00592693,
    "ProtocolName": "fMRI_BodyMap",
    "RepetitionTime": 2.1,
    "SeriesDescription": "ImageMRSERIES",
    "SeriesNumber": 8,
    "SliceThickness": 1.75,
    "SliceTiming": [
      0.0,
      1.07561,
      0.0512195,
      1.12683,
      0.102439,
      1.17805,
      0.153659,
      1.22927,
      0.204878,
      1.28049,
      0.256098,
      1.33171,
      0.307317,
      1.38293,
      0.358537,
      1.43415,
      0.409756,
      1.48537,
      0.460976,
      1.53659,
      0.512195,
      1.5878,
      0.563415,
      1.63902,
      0.614634,
      1.69024,
      0.665854,
      1.74146,
      0.717073,
      1.79268,
      0.768293,
      1.8439,
      0.819512,
      1.89512,
      0.870732,
      1.94634,
      0.921951,
      1.99756,
      0.973171,
      2.04878,
      1.02439
    ],
    "Slices": 41,
    "TR": 2.1,
    "TaskName": "Body Motor",
    "UsePhilipsFloatNotDisplayScaling": 0,
    "dataset": "ds003972",
    "modality": "bold",
    "run_id": 2,
    "subject_id": "06",
    "task_id": "bodymotor"
  },
  "dummy_trs": 0,
  "dvars_nstd": 34.31231698326272,
  "dvars_std": 0.8821024726694912,
  "dvars_vstd": 0.866628745,
  "efc": 0.4050895436741899,
  "fber": 703790.4375,
  "fd_mean": 0.13998165189313416,
  "fd_num": 26,
  "fd_perc": 10.970464135021096,
  "fwhm_avg": 2.5572041228481783,
  "fwhm_x": 2.5881778618272606,
  "fwhm_y": 2.8859773638601323,
  "fwhm_z": 2.1974571428571426,
  "gcor": 0.0375731,
  "gsr_x": -0.008197824470698833,
  "gsr_y": 0.008614529855549335,
  "provenance": {
    "md5sum": "fd5d75213447157e86bb0eefdfe9e4f1",
    "settings": {
      "fd_thres": 0.2,
      "testing": false
    },
    "software": "mriqc",
    "version": "23.0.0",
    "webapi_port": null,
    "webapi_url": "https://mriqc.nimh.nih.gov/api/v1"
  },
  "size_t": 237,
  "size_x": 144,
  "size_y": 144,
  "size_z": 41,
  "snr": 3.3347059579183442,
  "spacing_tr": 2.0999999046325684,
  "spacing_x": 1.5859999656677246,
  "spacing_y": 1.5859999656677246,
  "spacing_z": 1.75,
  "summary_bg_k": 66.94499065480468,
  "summary_bg_mad": 1.4380398120847298,
  "summary_bg_mean": 11.519485473632812,
  "summary_bg_median": 0.991702675819397,
  "summary_bg_n": 610827.0,
  "summary_bg_p05": 0.0139607273042202,
  "summary_bg_p95": 54.719494247436444,
  "summary_bg_stdv": 32.419368743896484,
  "summary_fg_k": 1.6486948368409768,
  "summary_fg_mad": 222.6336174477429,
  "summary_fg_mean": 861.6576538085938,
  "summary_fg_median": 838.0287475585938,
  "summary_fg_n": 140396.0,
  "summary_fg_p05": 498.65184020996094,
  "summary_fg_p95": 1302.962890625,
  "summary_fg_stdv": 251.3042449951172,
  "tsnr": 24.95659065246582
}