{
  "aor": 0.010704450261780105,
  "aqi": 0.007161117015706806,
  "bids_meta": {
    "AcquisitionNumber": 5,
    "Conditions": [
      "Toes",
      "Ankle",
      "Knee",
      "Abdomen",
      "Shoulder",
      "Elbow",
      "Wrist",
      "Little finger",
      "Ring finger",
      "Middle finger",
      "Index finger",
      "Thumb",
      "Forehead",
      "Eyelid",
      "Nostrils",
      "Lip",
      "Jaw",
      "Tongue"
    ],
    "ConversionSoftware": "dcm2niix",
    "ConversionSoftwareVersion": "v1.0.20211006",
    "EchoTime": 0.025,
    "FlipAngle": 70,
    "ImageComments": "fMRI_PC",
    "ImageOrientationPatientDICOM": [
      1,
      0,
      0,
      0,
      1,
      0
    ],
    "MagneticFieldStrength": 7,
    "Manufacturer": "Philips",
    "Modality": "MR",
    "MultisliceMode": "interleaved",
    "PatientPosition": "HFS",
    "PhilipsRescaleIntercept": 0,
    "PhilipsRescaleSlope": 2.30989,
    "PhilipsScaleSlope": 0.00593602,
    "ProtocolName": "fMRI_BodyMap_191",
    "RepetitionTime": 2.1,
    "SeriesDescription": "ImageMRSERIES",
    "SeriesNumber": 5,
    "SliceThickness": 1.75,
    "SliceTiming": [
      0.0,
      1.07561,
      0.0512195,
      1.12683,
      0.102439,
      1.17805,
      0.153659,
      1.22927,
      0.204878,
      1.28049,
      0.256098,
      1.33171,
      0.307317,
      1.38293,
      0.358537,
      1.43415,
      0.409756,
      1.48537,
      0.460976,
      1.53659,
      0.512195,
      1.5878,
      0.563415,
      1.63902,
      0.614634,
      1.69024,
      0.665854,
      1.74146,
      0.717073,
      1.79268,
      0.768293,
      1.8439,
      0.819512,
      1.89512,
      0.870732,
      1.94634,
      0.921951,
      1.99756,
      0.973171,
      2.04878,
      1.02439
    ],
    "Slices": 41,
    "TR": 2.1,
    "TaskName": "Body Motor",
    "UsePhilipsFloatNotDisplayScaling": 0,
    "dataset": "ds003972",
    "modality": "bold",
    "run_id": 3,
    "subject_id": "06",
    "task_id": "bodymotor"
  },
  "dummy_trs": 0,
  "dvars_nstd": 30.303018098526305,
  "dvars_std": 1.1969726307894735,
  "dvars_vstd": 1.040628318368421,
  "efc": 0.4058830002482541,
  "fber": 2078502.25,
  "fd_mean": 0.09030215265631833,
  "fd_num": 20,
  "fd_perc": 10.471204188481675,
  "fwhm_avg": 2.370398340533924,
  "fwhm_x": 2.3832156884118647,
  "fwhm_y": 2.65087647604705,
  "fwhm_z": 2.077102857142857,
  "gcor": 0.0340223,
  "gsr_x": -0.004499214235693216,
  "gsr_y": 0.01111677661538124,
  "provenance": {
    "md5sum": "ab8f591f702e77594da42321269550a7",
    "settings": {
      "fd_thres": 0.2,
      "testing": false
    },
    "software": "mriqc",
    "version": "23.0.0",
    "webapi_port": null,
    "webapi_url": "https://mriqc.nimh.nih.gov/api/v1"
  },
  "size_t": 191,
  "size_x": 144,
  "size_y": 144,
  "size_z": 41,
  "snr": 3.595412506592399,
  "spacing_tr": 2.0999999046325684,
  "spacing_x": 1.5859999656677246,
  "spacing_y": 1.5859999656677246,
  "spacing_z": 1.75,
  "summary_bg_k": 67.04588931009167,
  "summary_bg_mad": 0.8899842489020009,
  "summary_bg_mean": 12.1160888671875,
  "summary_bg_median": 0.6050385236740112,
  "summary_bg_n": 613112.0,
  "summary_bg_p05": 0.0033422317472286524,
  "summary_bg_p95": 61.178700447082406,
  "summary_bg_stdv": 35.82394790649414,
  "summary_fg_k": 1.4512649356054252,
  "summary_fg_mad": 224.55654818158348,
  "summary_fg_mean": 910.7431640625,
  "summary_fg_median": 888.9425048828125,
  "summary_fg_n": 141054.0,
  "summary_fg_p05": 552.865155029297,
  "summary_fg_p95": 1343.5753173828127,
  "summary_fg_stdv": 247.24266052246094,
  "tsnr": 48.139949798583984
}