{
  "aor": 0.019661392405063295,
  "aqi": 0.018931688016877637,
  "bids_meta": {
    "AcquisitionNumber": 9,
    "Conditions": [
      "Toes",
      "Ankle",
      "Knee",
      "Abdomen",
      "Shoulder",
      "Elbow",
      "Wrist",
      "Little finger",
      "Ring finger",
      "Middle finger",
      "Index finger",
      "Thumb",
      "Forehead",
      "Eyelid",
      "Nostrils",
      "Lip",
      "Jaw",
      "Tongue"
    ],
    "ConversionSoftware": "dcm2niix",
    "ConversionSoftwareVersion": "v1.0.20211006",
    "EchoTime": 0.025,
    "FlipAngle": 70,
    "ImageComments": "fMRI_PC",
    "ImageOrientationPatientDICOM": [
      1,
      0,
      0,
      0,
      1,
      0
    ],
    "MagneticFieldStrength": 7,
    "Manufacturer": "Philips",
    "Modality": "MR",
    "MultisliceMode": "interleaved",
    "PatientPosition": "HFS",
    "PhilipsRescaleIntercept": 0,
    "PhilipsRescaleSlope": 2.05153,
    "PhilipsScaleSlope": 0.00463274,
    "ProtocolName": "fMRI_BodyMap",
    "RepetitionTime": 2.1,
    "SeriesDescription": "ImageMRSERIES",
    "SeriesNumber": 9,
    "SliceThickness": 1.75,
    "SliceTiming": [
      0.0,
      1.07561,
      0.0512195,
      1.12683,
      0.102439,
      1.17805,
      0.153659,
      1.22927,
      0.204878,
      1.28049,
      0.256098,
      1.33171,
      0.307317,
      1.38293,
      0.358537,
      1.43415,
      0.409756,
      1.48537,
      0.460976,
      1.53659,
      0.512195,
      1.5878,
      0.563415,
      1.63902,
      0.614634,
      1.69024,
      0.665854,
      1.74146,
      0.717073,
      1.79268,
      0.768293,
      1.8439,
      0.819512,
      1.89512,
      0.870732,
      1.94634,
      0.921951,
      1.99756,
      0.973171,
      2.04878,
      1.02439
    ],
    "Slices": 41,
    "TR": 2.1,
    "TaskName": "Body Motor",
    "UsePhilipsFloatNotDisplayScaling": 0,
    "dataset": "ds003972",
    "modality": "bold",
    "run_id": 2,
    "subject_id": "01",
    "task_id": "bodymotor"
  },
  "dummy_trs": 0,
  "dvars_nstd": 56.27980914368642,
  "dvars_std": 1.1889726228389832,
  "dvars_vstd": 1.0681115489830513,
  "efc": 0.46417004014007407,
  "fber": 443871.5625,
  "fd_mean": 0.27187865764175495,
  "fd_num": 93,
  "fd_perc": 39.24050632911393,
  "fwhm_avg": 2.4296188182716225,
  "fwhm_x": 2.4578247694720785,
  "fwhm_y": 2.707471685342789,
  "fwhm_z": 2.12356,
  "gcor": 0.0445431,
  "gsr_x": -8.565819734940305e-05,
  "gsr_y": 0.014967337250709534,
  "provenance": {
    "md5sum": "4c7f3b997e8d73ff3162267df1c27dea",
    "settings": {
      "fd_thres": 0.2,
      "testing": false
    },
    "software": "mriqc",
    "version": "23.0.0",
    "webapi_port": null,
    "webapi_url": "https://mriqc.nimh.nih.gov/api/v1"
  },
  "size_t": 237,
  "size_x": 144,
  "size_y": 144,
  "size_z": 41,
  "snr": 2.7743432450097893,
  "spacing_tr": 2.0999999046325684,
  "spacing_x": 1.5859999656677246,
  "spacing_y": 1.5859999656677246,
  "spacing_z": 1.75,
  "summary_bg_k": 45.1290989551482,
  "summary_bg_mad": 1.5179036582887175,
  "summary_bg_mean": 16.66446304321289,
  "summary_bg_median": 1.0415905714035034,
  "summary_bg_n": 561855.0,
  "summary_bg_p05": 0.012374936137348413,
  "summary_bg_p95": 83.87873382568353,
  "summary_bg_stdv": 49.15611267089844,
  "summary_fg_k": 2.672773163473031,
  "summary_fg_mad": 205.67703325502055,
  "summary_fg_mean": 776.3750610351562,
  "summary_fg_median": 734.5223999023438,
  "summary_fg_n": 184815.0,
  "summary_fg_p05": 433.43642272949216,
  "summary_fg_p95": 1278.6690551757802,
  "summary_fg_stdv": 264.75469970703125,
  "tsnr": 25.83587074279785
}