{
  "aor": 0.008104177215189875,
  "aqi": 0.014881885358649788,
  "bids_meta": {
    "AcquisitionNumber": 8,
    "Conditions": [
      "Toes",
      "Ankle",
      "Knee",
      "Abdomen",
      "Shoulder",
      "Elbow",
      "Wrist",
      "Little finger",
      "Ring finger",
      "Middle finger",
      "Index finger",
      "Thumb",
      "Forehead",
      "Eyelid",
      "Nostrils",
      "Lip",
      "Jaw",
      "Tongue"
    ],
    "ConversionSoftware": "dcm2niix",
    "ConversionSoftwareVersion": "v1.0.20211006",
    "EchoTime": 0.025,
    "FlipAngle": 70,
    "ImageComments": "fMRI_PC",
    "ImageOrientationPatientDICOM": [
      1,
      0,
      0,
      0,
      1,
      0
    ],
    "MagneticFieldStrength": 7,
    "Manufacturer": "Philips",
    "Modality": "MR",
    "MultisliceMode": "interleaved",
    "PatientPosition": "HFS",
    "PhilipsRescaleIntercept": 0,
    "PhilipsRescaleSlope": 1.84567,
    "PhilipsScaleSlope": 0.00528035,
    "ProtocolName": "fMRI_BodyMap",
    "RepetitionTime": 2.1,
    "SeriesDescription": "ImageMRSERIES",
    "SeriesNumber": 8,
    "SliceThickness": 1.75,
    "SliceTiming": [
      0.0,
      1.07561,
      0.0512195,
      1.12683,
      0.102439,
      1.17805,
      0.153659,
      1.22927,
      0.204878,
      1.28049,
      0.256098,
      1.33171,
      0.307317,
      1.38293,
      0.358537,
      1.43415,
      0.409756,
      1.48537,
      0.460976,
      1.53659,
      0.512195,
      1.5878,
      0.563415,
      1.63902,
      0.614634,
      1.69024,
      0.665854,
      1.74146,
      0.717073,
      1.79268,
      0.768293,
      1.8439,
      0.819512,
      1.89512,
      0.870732,
      1.94634,
      0.921951,
      1.99756,
      0.973171,
      2.04878,
      1.02439
    ],
    "Slices": 41,
    "TR": 2.1,
    "TaskName": "Body Motor",
    "UsePhilipsFloatNotDisplayScaling": 0,
    "dataset": "ds003972",
    "modality": "bold",
    "run_id": 2,
    "subject_id": "04",
    "task_id": "bodymotor"
  },
  "dummy_trs": 0,
  "dvars_nstd": 50.60106799555087,
  "dvars_std": 1.2729515659745767,
  "dvars_vstd": 1.0273356572881356,
  "efc": 0.4342434196305255,
  "fber": 542535.875,
  "fd_mean": 0.22228236463324502,
  "fd_num": 98,
  "fd_perc": 41.35021097046413,
  "fwhm_avg": 2.6462891366130474,
  "fwhm_x": 2.6398550382296535,
  "fwhm_y": 2.952692371609488,
  "fwhm_z": 2.34632,
  "gcor": 0.0207815,
  "gsr_x": -0.015454385429620743,
  "gsr_y": 0.02095150202512741,
  "provenance": {
    "md5sum": "2581eb6e1891e5035756b75f9a702b80",
    "settings": {
      "fd_thres": 0.2,
      "testing": false
    },
    "software": "mriqc",
    "version": "23.0.0",
    "webapi_port": null,
    "webapi_url": "https://mriqc.nimh.nih.gov/api/v1"
  },
  "size_t": 237,
  "size_x": 144,
  "size_y": 144,
  "size_z": 41,
  "snr": 2.856046058388298,
  "spacing_tr": 2.0999999046325684,
  "spacing_x": 1.5859999656677246,
  "spacing_y": 1.5859999656677246,
  "spacing_z": 1.75,
  "summary_bg_k": 47.16715672295192,
  "summary_bg_mad": 1.3845606994662385,
  "summary_bg_mean": 13.703713417053223,
  "summary_bg_median": 0.9492062926292419,
  "summary_bg_n": 589951.0,
  "summary_bg_p05": 0.0099250259809196,
  "summary_bg_p95": 69.70541763305664,
  "summary_bg_stdv": 33.71690368652344,
  "summary_fg_k": 3.6051844714616506,
  "summary_fg_mad": 193.5507605748477,
  "summary_fg_mean": 776.0631103515625,
  "summary_fg_median": 737.7850341796875,
  "summary_fg_n": 160028.0,
  "summary_fg_p05": 450.49694366455077,
  "summary_fg_p95": 1243.6520690917969,
  "summary_fg_stdv": 258.3231201171875,
  "tsnr": 33.57124328613281
}