{
  "aor": 0.003502194092827004,
  "aqi": 0.007787799789029535,
  "bids_meta": {
    "AcquisitionNumber": 7,
    "Conditions": [
      "Toes",
      "Ankle",
      "Knee",
      "Abdomen",
      "Shoulder",
      "Elbow",
      "Wrist",
      "Little finger",
      "Ring finger",
      "Middle finger",
      "Index finger",
      "Thumb",
      "Forehead",
      "Eyelid",
      "Nostrils",
      "Lip",
      "Jaw",
      "Tongue"
    ],
    "ConversionSoftware": "dcm2niix",
    "ConversionSoftwareVersion": "v1.0.20211006",
    "EchoTime": 0.025,
    "FlipAngle": 70,
    "ImageComments": "fMRI_PC",
    "ImageOrientationPatientDICOM": [
      1,
      0,
      0,
      0,
      1,
      0
    ],
    "MagneticFieldStrength": 7,
    "Manufacturer": "Philips",
    "Modality": "MR",
    "MultisliceMode": "interleaved",
    "PatientPosition": "HFS",
    "PhilipsRescaleIntercept": 0,
    "PhilipsRescaleSlope": 1.56703,
    "PhilipsScaleSlope": 0.0051234,
    "ProtocolName": "fMRI_BodyMap_237",
    "RepetitionTime": 2.1,
    "SeriesDescription": "ImageMRSERIES",
    "SeriesNumber": 7,
    "SliceThickness": 1.75,
    "SliceTiming": [
      0.0,
      1.07561,
      0.0512195,
      1.12683,
      0.102439,
      1.17805,
      0.153659,
      1.22927,
      0.204878,
      1.28049,
      0.256098,
      1.33171,
      0.307317,
      1.38293,
      0.358537,
      1.43415,
      0.409756,
      1.48537,
      0.460976,
      1.53659,
      0.512195,
      1.5878,
      0.563415,
      1.63902,
      0.614634,
      1.69024,
      0.665854,
      1.74146,
      0.717073,
      1.79268,
      0.768293,
      1.8439,
      0.819512,
      1.89512,
      0.870732,
      1.94634,
      0.921951,
      1.99756,
      0.973171,
      2.04878,
      1.02439
    ],
    "Slices": 41,
    "TR": 2.1,
    "TaskName": "Body Motor",
    "UsePhilipsFloatNotDisplayScaling": 0,
    "dataset": "ds003972",
    "modality": "bold",
    "run_id": 1,
    "subject_id": "08",
    "task_id": "bodymotor"
  },
  "dummy_trs": 0,
  "dvars_nstd": 35.96160683415255,
  "dvars_std": 1.2110052563135594,
  "dvars_vstd": 0.9995967742372879,
  "efc": 0.4564652847431451,
  "fber": 711940.75,
  "fd_mean": 0.1814215871285961,
  "fd_num": 79,
  "fd_perc": 33.333333333333336,
  "fwhm_avg": 2.321619392731989,
  "fwhm_x": 2.3162610841882176,
  "fwhm_y": 2.570151379722034,
  "fwhm_z": 2.0784457142857145,
  "gcor": 0.0252617,
  "gsr_x": 0.010515468195080757,
  "gsr_y": 0.007489684037864208,
  "provenance": {
    "md5sum": "5527c6a554945dae5fadf31f0f7962d1",
    "settings": {
      "fd_thres": 0.2,
      "testing": false
    },
    "software": "mriqc",
    "version": "23.0.0",
    "webapi_port": null,
    "webapi_url": "https://mriqc.nimh.nih.gov/api/v1"
  },
  "size_t": 237,
  "size_x": 144,
  "size_y": 144,
  "size_z": 41,
  "snr": 3.5867360029284168,
  "spacing_tr": 2.0999999046325684,
  "spacing_x": 1.5859999656677246,
  "spacing_y": 1.5859999656677246,
  "spacing_z": 1.75,
  "summary_bg_k": 65.51363253076329,
  "summary_bg_mad": 1.1065005791830238,
  "summary_bg_mean": 13.887165069580078,
  "summary_bg_median": 0.7501735687255859,
  "summary_bg_n": 575788.0,
  "summary_bg_p05": 0.0032225540257059043,
  "summary_bg_p95": 57.836756515503104,
  "summary_bg_stdv": 47.08546829223633,
  "summary_fg_k": 2.3251087690757837,
  "summary_fg_mad": 157.5718216361098,
  "summary_fg_mean": 673.87548828125,
  "summary_fg_median": 656.4848022460938,
  "summary_fg_n": 173765.0,
  "summary_fg_p05": 415.2383728027344,
  "summary_fg_p95": 989.2753173828123,
  "summary_fg_stdv": 183.03073120117188,
  "tsnr": 49.4849967956543
}