{
  "aor": 0.005409842931937173,
  "aqi": 0.005791912198952879,
  "bids_meta": {
    "AcquisitionNumber": 10,
    "Conditions": [
      "Toes",
      "Ankle",
      "Knee",
      "Abdomen",
      "Shoulder",
      "Elbow",
      "Wrist",
      "Little finger",
      "Ring finger",
      "Middle finger",
      "Index finger",
      "Thumb",
      "Forehead",
      "Eyelid",
      "Nostrils",
      "Lip",
      "Jaw",
      "Tongue"
    ],
    "ConversionSoftware": "dcm2niix",
    "ConversionSoftwareVersion": "v1.0.20211006",
    "EchoTime": 0.025,
    "FlipAngle": 70,
    "ImageComments": "fMRI_PC",
    "ImageOrientationPatientDICOM": [
      1,
      0,
      0,
      0,
      1,
      0
    ],
    "MagneticFieldStrength": 7,
    "Manufacturer": "Philips",
    "Modality": "MR",
    "MultisliceMode": "interleaved",
    "PatientPosition": "HFS",
    "PhilipsRescaleIntercept": 0,
    "PhilipsRescaleSlope": 1.62369,
    "PhilipsScaleSlope": 0.00508497,
    "ProtocolName": "fMRI_BodyMap_191",
    "RepetitionTime": 2.1,
    "SeriesDescription": "ImageMRSERIES",
    "SeriesNumber": 10,
    "SliceThickness": 1.75,
    "SliceTiming": [
      0.0,
      1.07561,
      0.0512195,
      1.12683,
      0.102439,
      1.17805,
      0.153659,
      1.22927,
      0.204878,
      1.28049,
      0.256098,
      1.33171,
      0.307317,
      1.38293,
      0.358537,
      1.43415,
      0.409756,
      1.48537,
      0.460976,
      1.53659,
      0.512195,
      1.5878,
      0.563415,
      1.63902,
      0.614634,
      1.69024,
      0.665854,
      1.74146,
      0.717073,
      1.79268,
      0.768293,
      1.8439,
      0.819512,
      1.89512,
      0.870732,
      1.94634,
      0.921951,
      1.99756,
      0.973171,
      2.04878,
      1.02439
    ],
    "Slices": 41,
    "TR": 2.1,
    "TaskName": "Body Motor",
    "UsePhilipsFloatNotDisplayScaling": 0,
    "dataset": "ds003972",
    "modality": "bold",
    "run_id": 3,
    "subject_id": "08",
    "task_id": "bodymotor"
  },
  "dummy_trs": 0,
  "dvars_nstd": 31.972122624052645,
  "dvars_std": 1.240522150368421,
  "dvars_vstd": 1.0293289935789474,
  "efc": 0.459084967515246,
  "fber": 488095.5625,
  "fd_mean": 0.14877044893033844,
  "fd_num": 38,
  "fd_perc": 19.895287958115183,
  "fwhm_avg": 2.3253540687864462,
  "fwhm_x": 2.3178689026341197,
  "fwhm_y": 2.571330446582361,
  "fwhm_z": 2.086862857142857,
  "gcor": 0.0236798,
  "gsr_x": 0.012092497199773788,
  "gsr_y": 0.006854335777461529,
  "provenance": {
    "md5sum": "e6a2e1073e5bb743a625fc8529504b40",
    "settings": {
      "fd_thres": 0.2,
      "testing": false
    },
    "software": "mriqc",
    "version": "23.0.0",
    "webapi_port": null,
    "webapi_url": "https://mriqc.nimh.nih.gov/api/v1"
  },
  "size_t": 191,
  "size_x": 144,
  "size_y": 144,
  "size_z": 41,
  "snr": 3.583718437907292,
  "spacing_tr": 2.0999999046325684,
  "spacing_x": 1.5859999656677246,
  "spacing_y": 1.5859999656677246,
  "spacing_z": 1.75,
  "summary_bg_k": 64.04909132424298,
  "summary_bg_mad": 1.3824719590369687,
  "summary_bg_mean": 14.462603569030762,
  "summary_bg_median": 0.9347507357597351,
  "summary_bg_n": 574139.0,
  "summary_bg_p05": 0.00134435233194381,
  "summary_bg_p95": 61.14174423217769,
  "summary_bg_stdv": 48.715293884277344,
  "summary_fg_k": 2.3547466025220904,
  "summary_fg_mad": 160.90640975573453,
  "summary_fg_mean": 687.9854736328125,
  "summary_fg_median": 670.4144287109375,
  "summary_fg_n": 175896.0,
  "summary_fg_p05": 423.7144470214844,
  "summary_fg_p95": 1010.3744964599609,
  "summary_fg_stdv": 187.07176208496094,
  "tsnr": 55.52366638183594
}