{
  "aor": 0.004237341772151899,
  "aqi": 0.018896318945147678,
  "bids_meta": {
    "AcquisitionNumber": 9,
    "Conditions": [
      "Toes",
      "Ankle",
      "Knee",
      "Abdomen",
      "Shoulder",
      "Elbow",
      "Wrist",
      "Little finger",
      "Ring finger",
      "Middle finger",
      "Index finger",
      "Thumb",
      "Forehead",
      "Eyelid",
      "Nostrils",
      "Lip",
      "Jaw",
      "Tongue"
    ],
    "ConversionSoftware": "dcm2niix",
    "ConversionSoftwareVersion": "v1.0.20211006",
    "EchoTime": 0.025,
    "FlipAngle": 70,
    "ImageComments": "fMRI_PC",
    "ImageOrientationPatientDICOM": [
      1,
      0,
      0,
      0,
      1,
      0
    ],
    "MagneticFieldStrength": 7,
    "Manufacturer": "Philips",
    "Modality": "MR",
    "MultisliceMode": "interleaved",
    "PatientPosition": "HFS",
    "PhilipsRescaleIntercept": 0,
    "PhilipsRescaleSlope": 1.75311,
    "PhilipsScaleSlope": 0.00464179,
    "ProtocolName": "fMRI_BodyMap",
    "RepetitionTime": 2.1,
    "SeriesDescription": "ImageMRSERIES",
    "SeriesNumber": 9,
    "SliceThickness": 1.75,
    "SliceTiming": [
      0.0,
      1.07561,
      0.0512195,
      1.12683,
      0.102439,
      1.17805,
      0.153659,
      1.22927,
      0.204878,
      1.28049,
      0.256098,
      1.33171,
      0.307317,
      1.38293,
      0.358537,
      1.43415,
      0.409756,
      1.48537,
      0.460976,
      1.53659,
      0.512195,
      1.5878,
      0.563415,
      1.63902,
      0.614634,
      1.69024,
      0.665854,
      1.74146,
      0.717073,
      1.79268,
      0.768293,
      1.8439,
      0.819512,
      1.89512,
      0.870732,
      1.94634,
      0.921951,
      1.99756,
      0.973171,
      2.04878,
      1.02439
    ],
    "Slices": 41,
    "TR": 2.1,
    "TaskName": "Body Motor",
    "UsePhilipsFloatNotDisplayScaling": 0,
    "dataset": "ds003972",
    "modality": "bold",
    "run_id": 2,
    "subject_id": "02",
    "task_id": "bodymotor"
  },
  "dummy_trs": 0,
  "dvars_nstd": 38.038403438347466,
  "dvars_std": 1.044729111355932,
  "dvars_vstd": 0.9217627562711866,
  "efc": 0.4551710161592889,
  "fber": 205665.8125,
  "fd_mean": 0.20228575246420108,
  "fd_num": 77,
  "fd_perc": 32.48945147679325,
  "fwhm_avg": 2.3336931746705116,
  "fwhm_x": 2.350227037004188,
  "fwhm_y": 2.6245839155787754,
  "fwhm_z": 2.0262685714285715,
  "gcor": 0.0198433,
  "gsr_x": 0.014353602193295956,
  "gsr_y": 0.009019207209348679,
  "provenance": {
    "md5sum": "80fb94e8604246718cc211809691f190",
    "settings": {
      "fd_thres": 0.2,
      "testing": false
    },
    "software": "mriqc",
    "version": "23.0.0",
    "webapi_port": null,
    "webapi_url": "https://mriqc.nimh.nih.gov/api/v1"
  },
  "size_t": 237,
  "size_x": 144,
  "size_y": 144,
  "size_z": 41,
  "snr": 3.4725843287957496,
  "spacing_tr": 2.0999999046325684,
  "spacing_x": 1.5859999656677246,
  "spacing_y": 1.5859999656677246,
  "spacing_z": 1.75,
  "summary_bg_k": 50.09351049494248,
  "summary_bg_mad": 2.1593910810941095,
  "summary_bg_mean": 16.983888626098633,
  "summary_bg_median": 1.484284520149231,
  "summary_bg_n": 580560.0,
  "summary_bg_p05": 0.01480523576028645,
  "summary_bg_p95": 79.2645259857177,
  "summary_bg_stdv": 52.7232666015625,
  "summary_fg_k": 3.6649266886462106,
  "summary_fg_mad": 169.32079268358865,
  "summary_fg_mean": 712.2965698242188,
  "summary_fg_median": 689.0115966796875,
  "summary_fg_n": 169488.0,
  "summary_fg_p05": 446.0131271362305,
  "summary_fg_p95": 1048.8029418945312,
  "summary_fg_stdv": 198.4140625,
  "tsnr": 35.49241638183594
}