{
  "aor": 0.0021705063291139236,
  "aqi": 0.015247578185654009,
  "bids_meta": {
    "AcquisitionNumber": 8,
    "Conditions": [
      "Toes",
      "Ankle",
      "Knee",
      "Abdomen",
      "Shoulder",
      "Elbow",
      "Wrist",
      "Little finger",
      "Ring finger",
      "Middle finger",
      "Index finger",
      "Thumb",
      "Forehead",
      "Eyelid",
      "Nostrils",
      "Lip",
      "Jaw",
      "Tongue"
    ],
    "ConversionSoftware": "dcm2niix",
    "ConversionSoftwareVersion": "v1.0.20211006",
    "EchoTime": 0.025,
    "FlipAngle": 70,
    "ImageComments": "fMRI_PC",
    "ImageOrientationPatientDICOM": [
      1,
      0,
      0,
      0,
      1,
      0
    ],
    "MagneticFieldStrength": 7,
    "Manufacturer": "Philips",
    "Modality": "MR",
    "MultisliceMode": "interleaved",
    "PatientPosition": "HFS",
    "PhilipsRescaleIntercept": 0,
    "PhilipsRescaleSlope": 1.73358,
    "PhilipsScaleSlope": 0.00467854,
    "ProtocolName": "fMRI_BodyMap",
    "RepetitionTime": 2.1,
    "SeriesDescription": "ImageMRSERIES",
    "SeriesNumber": 8,
    "SliceThickness": 1.75,
    "SliceTiming": [
      0.0,
      1.07561,
      0.0512195,
      1.12683,
      0.102439,
      1.17805,
      0.153659,
      1.22927,
      0.204878,
      1.28049,
      0.256098,
      1.33171,
      0.307317,
      1.38293,
      0.358537,
      1.43415,
      0.409756,
      1.48537,
      0.460976,
      1.53659,
      0.512195,
      1.5878,
      0.563415,
      1.63902,
      0.614634,
      1.69024,
      0.665854,
      1.74146,
      0.717073,
      1.79268,
      0.768293,
      1.8439,
      0.819512,
      1.89512,
      0.870732,
      1.94634,
      0.921951,
      1.99756,
      0.973171,
      2.04878,
      1.02439
    ],
    "Slices": 41,
    "TR": 2.1,
    "TaskName": "Body Motor",
    "UsePhilipsFloatNotDisplayScaling": 0,
    "dataset": "ds003972",
    "modality": "bold",
    "run_id": 1,
    "subject_id": "02",
    "task_id": "bodymotor"
  },
  "dummy_trs": 0,
  "dvars_nstd": 33.43344983427967,
  "dvars_std": 1.1006760915254235,
  "dvars_vstd": 0.9664725278389834,
  "efc": 0.4514156630304104,
  "fber": 210073.53125,
  "fd_mean": 0.1912029743920731,
  "fd_num": 79,
  "fd_perc": 33.333333333333336,
  "fwhm_avg": 2.341217001107108,
  "fwhm_x": 2.3586633549673897,
  "fwhm_y": 2.6298676483539345,
  "fwhm_z": 2.03512,
  "gcor": 0.0168987,
  "gsr_x": 0.01540532149374485,
  "gsr_y": 0.009552636183798313,
  "provenance": {
    "md5sum": "0bc84aca588673057410b5f1394e4a26",
    "settings": {
      "fd_thres": 0.2,
      "testing": false
    },
    "software": "mriqc",
    "version": "23.0.0",
    "webapi_port": null,
    "webapi_url": "https://mriqc.nimh.nih.gov/api/v1"
  },
  "size_t": 237,
  "size_x": 144,
  "size_y": 144,
  "size_z": 41,
  "snr": 3.468275743400866,
  "spacing_tr": 2.0999999046325684,
  "spacing_x": 1.5859999656677246,
  "spacing_y": 1.5859999656677246,
  "spacing_z": 1.75,
  "summary_bg_k": 52.839515908055795,
  "summary_bg_mad": 2.1496233015829653,
  "summary_bg_mean": 16.532278060913086,
  "summary_bg_median": 1.4775938987731934,
  "summary_bg_n": 583167.0,
  "summary_bg_p05": 0.013134522829204798,
  "summary_bg_p95": 77.34761581420891,
  "summary_bg_stdv": 52.02289581298828,
  "summary_fg_k": 3.534571751248669,
  "summary_fg_mad": 169.71234662642763,
  "summary_fg_mean": 709.7432250976562,
  "summary_fg_median": 686.9348754882812,
  "summary_fg_n": 167439.0,
  "summary_fg_p05": 441.2921234130859,
  "summary_fg_p95": 1044.6582153320314,
  "summary_fg_stdv": 198.061767578125,
  "tsnr": 38.24729919433594
}