{
  "aor": 0.0030854450261780107,
  "aqi": 0.0212205277486911,
  "bids_meta": {
    "AcquisitionNumber": 12,
    "Conditions": [
      "Toes",
      "Ankle",
      "Knee",
      "Abdomen",
      "Shoulder",
      "Elbow",
      "Wrist",
      "Little finger",
      "Ring finger",
      "Middle finger",
      "Index finger",
      "Thumb",
      "Forehead",
      "Eyelid",
      "Nostrils",
      "Lip",
      "Jaw",
      "Tongue"
    ],
    "ConversionSoftware": "dcm2niix",
    "ConversionSoftwareVersion": "v1.0.20211006",
    "EchoTime": 0.025,
    "FlipAngle": 70,
    "ImageComments": "fMRI_PC",
    "ImageOrientationPatientDICOM": [
      1,
      0,
      0,
      0,
      1,
      0
    ],
    "MagneticFieldStrength": 7,
    "Manufacturer": "Philips",
    "Modality": "MR",
    "MultisliceMode": "interleaved",
    "PatientPosition": "HFS",
    "PhilipsRescaleIntercept": 0,
    "PhilipsRescaleSlope": 1.84371,
    "PhilipsScaleSlope": 0.00457122,
    "ProtocolName": "fMRI_BodyMap",
    "RepetitionTime": 2.1,
    "SeriesDescription": "ImageMRSERIES",
    "SeriesNumber": 12,
    "SliceThickness": 1.75,
    "SliceTiming": [
      0.0,
      1.07561,
      0.0512195,
      1.12683,
      0.102439,
      1.17805,
      0.153659,
      1.22927,
      0.204878,
      1.28049,
      0.256098,
      1.33171,
      0.307317,
      1.38293,
      0.358537,
      1.43415,
      0.409756,
      1.48537,
      0.460976,
      1.53659,
      0.512195,
      1.5878,
      0.563415,
      1.63902,
      0.614634,
      1.69024,
      0.665854,
      1.74146,
      0.717073,
      1.79268,
      0.768293,
      1.8439,
      0.819512,
      1.89512,
      0.870732,
      1.94634,
      0.921951,
      1.99756,
      0.973171,
      2.04878,
      1.02439
    ],
    "Slices": 41,
    "TR": 2.1,
    "TaskName": "Body Motor",
    "UsePhilipsFloatNotDisplayScaling": 0,
    "dataset": "ds003972",
    "modality": "bold",
    "run_id": 4,
    "subject_id": "02",
    "task_id": "bodymotor"
  },
  "dummy_trs": 0,
  "dvars_nstd": 37.29728804115792,
  "dvars_std": 1.0590762110526315,
  "dvars_vstd": 0.9275661939473686,
  "efc": 0.455377554569461,
  "fber": 258273.5625,
  "fd_mean": 0.2228035263954076,
  "fd_num": 73,
  "fd_perc": 38.21989528795812,
  "fwhm_avg": 2.3335624788385787,
  "fwhm_x": 2.357049231351112,
  "fwhm_y": 2.6369924908789106,
  "fwhm_z": 2.0066457142857144,
  "gcor": 0.0162948,
  "gsr_x": 0.014384711161255836,
  "gsr_y": 0.011397629044950008,
  "provenance": {
    "md5sum": "f5b494a4e33befcbd8f69af29d4b1054",
    "settings": {
      "fd_thres": 0.2,
      "testing": false
    },
    "software": "mriqc",
    "version": "23.0.0",
    "webapi_port": null,
    "webapi_url": "https://mriqc.nimh.nih.gov/api/v1"
  },
  "size_t": 191,
  "size_x": 144,
  "size_y": 144,
  "size_z": 41,
  "snr": 3.457878140285161,
  "spacing_tr": 2.0999999046325684,
  "spacing_x": 1.5859999656677246,
  "spacing_y": 1.5859999656677246,
  "spacing_z": 1.75,
  "summary_bg_k": 46.240118111977296,
  "summary_bg_mad": 2.03993511368669,
  "summary_bg_mean": 17.973737716674805,
  "summary_bg_median": 1.402970552444458,
  "summary_bg_n": 580256.0,
  "summary_bg_p05": 0.015896415803581476,
  "summary_bg_p95": 86.68708610534668,
  "summary_bg_stdv": 54.15275192260742,
  "summary_fg_k": 3.853945801485639,
  "summary_fg_mad": 173.98650132532137,
  "summary_fg_mean": 736.5460205078125,
  "summary_fg_median": 711.5767211914062,
  "summary_fg_n": 168650.0,
  "summary_fg_p05": 460.7328247070313,
  "summary_fg_p95": 1084.786865234375,
  "summary_fg_stdv": 205.78359985351562,
  "tsnr": 32.014259338378906
}