{
  "aor": 0.01593450261780105,
  "aqi": 0.008967388010471204,
  "bids_meta": {
    "AcquisitionNumber": 6,
    "Conditions": [
      "Toes",
      "Ankle",
      "Knee",
      "Abdomen",
      "Shoulder",
      "Elbow",
      "Wrist",
      "Little finger",
      "Ring finger",
      "Middle finger",
      "Index finger",
      "Thumb",
      "Forehead",
      "Eyelid",
      "Nostrils",
      "Lip",
      "Jaw",
      "Tongue"
    ],
    "ConversionSoftware": "dcm2niix",
    "ConversionSoftwareVersion": "v1.0.20211006",
    "EchoTime": 0.025,
    "FlipAngle": 70,
    "ImageComments": "fMRI_PC",
    "ImageOrientationPatientDICOM": [
      1,
      0,
      0,
      0,
      1,
      0
    ],
    "MagneticFieldStrength": 7,
    "Manufacturer": "Philips",
    "Modality": "MR",
    "MultisliceMode": "interleaved",
    "PatientPosition": "HFS",
    "PhilipsRescaleIntercept": 0,
    "PhilipsRescaleSlope": 2.27448,
    "PhilipsScaleSlope": 0.00592919,
    "ProtocolName": "fMRI_BodyMap_191",
    "RepetitionTime": 2.1,
    "SeriesDescription": "ImageMRSERIES",
    "SeriesNumber": 6,
    "SliceThickness": 1.75,
    "SliceTiming": [
      0.0,
      1.07561,
      0.0512195,
      1.12683,
      0.102439,
      1.17805,
      0.153659,
      1.22927,
      0.204878,
      1.28049,
      0.256098,
      1.33171,
      0.307317,
      1.38293,
      0.358537,
      1.43415,
      0.409756,
      1.48537,
      0.460976,
      1.53659,
      0.512195,
      1.5878,
      0.563415,
      1.63902,
      0.614634,
      1.69024,
      0.665854,
      1.74146,
      0.717073,
      1.79268,
      0.768293,
      1.8439,
      0.819512,
      1.89512,
      0.870732,
      1.94634,
      0.921951,
      1.99756,
      0.973171,
      2.04878,
      1.02439
    ],
    "Slices": 41,
    "TR": 2.1,
    "TaskName": "Body Motor",
    "UsePhilipsFloatNotDisplayScaling": 0,
    "dataset": "ds003972",
    "modality": "bold",
    "run_id": 4,
    "subject_id": "06",
    "task_id": "bodymotor"
  },
  "dummy_trs": 0,
  "dvars_nstd": 34.51674733442107,
  "dvars_std": 1.0908745448947368,
  "dvars_vstd": 1.0103025578421052,
  "efc": 0.4068764790910991,
  "fber": 4920835.5,
  "fd_mean": 0.10632135112713124,
  "fd_num": 11,
  "fd_perc": 5.7591623036649215,
  "fwhm_avg": 2.3770000747775057,
  "fwhm_x": 2.3845523845315943,
  "fwhm_y": 2.6525221255152083,
  "fwhm_z": 2.093925714285714,
  "gcor": 0.128794,
  "gsr_x": -0.004883090034127235,
  "gsr_y": 0.01104082353413105,
  "provenance": {
    "md5sum": "4560a140ea74e3a95c649133a0934354",
    "settings": {
      "fd_thres": 0.2,
      "testing": false
    },
    "software": "mriqc",
    "version": "23.0.0",
    "webapi_port": null,
    "webapi_url": "https://mriqc.nimh.nih.gov/api/v1"
  },
  "size_t": 191,
  "size_x": 144,
  "size_y": 144,
  "size_z": 41,
  "snr": 3.6060388541440864,
  "spacing_tr": 2.0999999046325684,
  "spacing_x": 1.5859999656677246,
  "spacing_y": 1.5859999656677246,
  "spacing_z": 1.75,
  "summary_bg_k": 64.75568792904093,
  "summary_bg_mad": 0.560777768421256,
  "summary_bg_mean": 11.949986457824707,
  "summary_bg_median": 0.37895718216896057,
  "summary_bg_n": 612454.0,
  "summary_bg_p05": 0.0007977815199410544,
  "summary_bg_p95": 61.09085083007812,
  "summary_bg_stdv": 35.568206787109375,
  "summary_fg_k": 1.4785344482875473,
  "summary_fg_mad": 217.65693697227638,
  "summary_fg_mean": 889.9549560546875,
  "summary_fg_median": 867.998779296875,
  "summary_fg_n": 141667.0,
  "summary_fg_p05": 542.5059326171875,
  "summary_fg_p95": 1313.3519287109375,
  "summary_fg_stdv": 240.70614624023438,
  "tsnr": 38.375732421875
}