{
  "aor": 0.005484641350210971,
  "aqi": 0.01577763793248945,
  "bids_meta": {
    "AcquisitionNumber": 8,
    "Conditions": [
      "Toes",
      "Ankle",
      "Knee",
      "Abdomen",
      "Shoulder",
      "Elbow",
      "Wrist",
      "Little finger",
      "Ring finger",
      "Middle finger",
      "Index finger",
      "Thumb",
      "Forehead",
      "Eyelid",
      "Nostrils",
      "Lip",
      "Jaw",
      "Tongue"
    ],
    "ConversionSoftware": "dcm2niix",
    "ConversionSoftwareVersion": "v1.0.20211006",
    "EchoTime": 0.025,
    "FlipAngle": 70,
    "ImageComments": "fMRI_PC",
    "ImageOrientationPatientDICOM": [
      1,
      0,
      0,
      0,
      1,
      0
    ],
    "MagneticFieldStrength": 7,
    "Manufacturer": "Philips",
    "Modality": "MR",
    "MultisliceMode": "interleaved",
    "PatientPosition": "HFS",
    "PhilipsRescaleIntercept": 0,
    "PhilipsRescaleSlope": 2.20513,
    "PhilipsScaleSlope": 0.00435889,
    "ProtocolName": "fMRI_BodyMap",
    "RepetitionTime": 2.1,
    "SeriesDescription": "ImageMRSERIES",
    "SeriesNumber": 8,
    "SliceThickness": 1.75,
    "SliceTiming": [
      0.0,
      1.07561,
      0.0512195,
      1.12683,
      0.102439,
      1.17805,
      0.153659,
      1.22927,
      0.204878,
      1.28049,
      0.256098,
      1.33171,
      0.307317,
      1.38293,
      0.358537,
      1.43415,
      0.409756,
      1.48537,
      0.460976,
      1.53659,
      0.512195,
      1.5878,
      0.563415,
      1.63902,
      0.614634,
      1.69024,
      0.665854,
      1.74146,
      0.717073,
      1.79268,
      0.768293,
      1.8439,
      0.819512,
      1.89512,
      0.870732,
      1.94634,
      0.921951,
      1.99756,
      0.973171,
      2.04878,
      1.02439
    ],
    "Slices": 41,
    "TR": 2.1,
    "TaskName": "Body Motor",
    "UsePhilipsFloatNotDisplayScaling": 0,
    "dataset": "ds003972",
    "modality": "bold",
    "run_id": 1,
    "subject_id": "01",
    "task_id": "bodymotor"
  },
  "dummy_trs": 0,
  "dvars_nstd": 39.8770734658051,
  "dvars_std": 1.0905224491101695,
  "dvars_vstd": 0.9887621799152543,
  "efc": 0.4627264821025554,
  "fber": 300879.875,
  "fd_mean": 0.18822258171013145,
  "fd_num": 77,
  "fd_perc": 32.48945147679325,
  "fwhm_avg": 2.4350609776467653,
  "fwhm_x": 2.45704923351582,
  "fwhm_y": 2.708865127995904,
  "fwhm_z": 2.1392685714285715,
  "gcor": 0.0129376,
  "gsr_x": -0.0005583246238529682,
  "gsr_y": 0.01667092554271221,
  "provenance": {
    "md5sum": "9c8079572f4001e7381bcd197aba48ea",
    "settings": {
      "fd_thres": 0.2,
      "testing": false
    },
    "software": "mriqc",
    "version": "23.0.0",
    "webapi_port": null,
    "webapi_url": "https://mriqc.nimh.nih.gov/api/v1"
  },
  "size_t": 237,
  "size_x": 144,
  "size_y": 144,
  "size_z": 41,
  "snr": 2.7404069696398543,
  "spacing_tr": 2.0999999046325684,
  "spacing_x": 1.5859999656677246,
  "spacing_y": 1.5859999656677246,
  "spacing_z": 1.75,
  "summary_bg_k": 45.66925672795511,
  "summary_bg_mad": 1.9332245908804406,
  "summary_bg_mean": 16.88626480102539,
  "summary_bg_median": 1.3210548162460327,
  "summary_bg_n": 562067.0,
  "summary_bg_p05": 0.006705194199457765,
  "summary_bg_p95": 84.26604003906245,
  "summary_bg_stdv": 49.82373809814453,
  "summary_fg_k": 2.7975957278029187,
  "summary_fg_mad": 207.06670136229536,
  "summary_fg_mean": 784.889892578125,
  "summary_fg_median": 740.9696655273438,
  "summary_fg_n": 183037.0,
  "summary_fg_p05": 438.06651000976564,
  "summary_fg_p95": 1302.3434570312465,
  "summary_fg_stdv": 270.385986328125,
  "tsnr": 30.82140350341797
}