{
  "aor": 0.008386402116402117,
  "aqi": 0.022363218994708996,
  "bids_meta": {
    "AcquisitionNumber": 11,
    "Conditions": [
      "Toes",
      "Ankle",
      "Knee",
      "Abdomen",
      "Shoulder",
      "Elbow",
      "Wrist",
      "Little finger",
      "Ring finger",
      "Middle finger",
      "Index finger",
      "Thumb",
      "Forehead",
      "Eyelid",
      "Nostrils",
      "Lip",
      "Jaw",
      "Tongue"
    ],
    "ConversionSoftware": "dcm2niix",
    "ConversionSoftwareVersion": "v1.0.20211006",
    "EchoTime": 0.025,
    "FlipAngle": 70,
    "ImageComments": "fMRI_PC",
    "ImageOrientationPatientDICOM": [
      1,
      0,
      0,
      0,
      1,
      0
    ],
    "MagneticFieldStrength": 7,
    "Manufacturer": "Philips",
    "Modality": "MR",
    "MultisliceMode": "interleaved",
    "PatientPosition": "HFS",
    "PhilipsRescaleIntercept": 0,
    "PhilipsRescaleSlope": 2.1685,
    "PhilipsScaleSlope": 0.00459364,
    "ProtocolName": "fMRI_BodyMap",
    "RepetitionTime": 2.1,
    "SeriesDescription": "ImageMRSERIES",
    "SeriesNumber": 11,
    "SliceThickness": 1.75,
    "SliceTiming": [
      0.0,
      1.07561,
      0.0512195,
      1.12683,
      0.102439,
      1.17805,
      0.153659,
      1.22927,
      0.204878,
      1.28049,
      0.256098,
      1.33171,
      0.307317,
      1.38293,
      0.358537,
      1.43415,
      0.409756,
      1.48537,
      0.460976,
      1.53659,
      0.512195,
      1.5878,
      0.563415,
      1.63902,
      0.614634,
      1.69024,
      0.665854,
      1.74146,
      0.717073,
      1.79268,
      0.768293,
      1.8439,
      0.819512,
      1.89512,
      0.870732,
      1.94634,
      0.921951,
      1.99756,
      0.973171,
      2.04878,
      1.02439
    ],
    "Slices": 41,
    "TR": 2.1,
    "TaskName": "Body Motor",
    "UsePhilipsFloatNotDisplayScaling": 0,
    "dataset": "ds003972",
    "modality": "bold",
    "run_id": 3,
    "subject_id": "01",
    "task_id": "bodymotor"
  },
  "dummy_trs": 2,
  "dvars_nstd": 40.99778768872338,
  "dvars_std": 1.053387507978723,
  "dvars_vstd": 0.9860147722340425,
  "efc": 0.45228312435313345,
  "fber": 220097.46875,
  "fd_mean": 0.23931672297461343,
  "fd_num": 79,
  "fd_perc": 41.7989417989418,
  "fwhm_avg": 2.4463024694968314,
  "fwhm_x": 2.4792497384100156,
  "fwhm_y": 2.7181148129376207,
  "fwhm_z": 2.141542857142857,
  "gcor": 0.0160996,
  "gsr_x": -0.0033172164112329483,
  "gsr_y": 0.01447549369186163,
  "provenance": {
    "md5sum": "742859dcd584dba23809ac05b3bc1360",
    "settings": {
      "fd_thres": 0.2,
      "testing": false
    },
    "software": "mriqc",
    "version": "23.0.0",
    "webapi_port": null,
    "webapi_url": "https://mriqc.nimh.nih.gov/api/v1"
  },
  "size_t": 189,
  "size_x": 144,
  "size_y": 144,
  "size_z": 41,
  "snr": 2.8530693523841633,
  "spacing_tr": 2.0999999046325684,
  "spacing_x": 1.5859999656677246,
  "spacing_y": 1.5859999656677246,
  "spacing_z": 1.75,
  "summary_bg_k": 46.192982083300784,
  "summary_bg_mad": 2.304891795163821,
  "summary_bg_mean": 17.99074363708496,
  "summary_bg_median": 1.595740556716919,
  "summary_bg_n": 572417.0,
  "summary_bg_p05": 0.021794143691658975,
  "summary_bg_p95": 90.27512969970701,
  "summary_bg_stdv": 51.4731330871582,
  "summary_fg_k": 2.6578937774014593,
  "summary_fg_mad": 216.90703923150758,
  "summary_fg_mean": 825.1863403320312,
  "summary_fg_median": 782.1405029296875,
  "summary_fg_n": 170575.0,
  "summary_fg_p05": 470.36370239257815,
  "summary_fg_p95": 1337.7732299804686,
  "summary_fg_stdv": 274.13922119140625,
  "tsnr": 28.610206604003906
}