{
  "aor": 0.009047539267015707,
  "aqi": 0.026948670104712042,
  "bids_meta": {
    "AcquisitionNumber": 12,
    "Conditions": [
      "Toes",
      "Ankle",
      "Knee",
      "Abdomen",
      "Shoulder",
      "Elbow",
      "Wrist",
      "Little finger",
      "Ring finger",
      "Middle finger",
      "Index finger",
      "Thumb",
      "Forehead",
      "Eyelid",
      "Nostrils",
      "Lip",
      "Jaw",
      "Tongue"
    ],
    "ConversionSoftware": "dcm2niix",
    "ConversionSoftwareVersion": "v1.0.20211006",
    "EchoTime": 0.025,
    "FlipAngle": 70,
    "ImageComments": "fMRI_PC",
    "ImageOrientationPatientDICOM": [
      1,
      0,
      0,
      0,
      1,
      0
    ],
    "MagneticFieldStrength": 7,
    "Manufacturer": "Philips",
    "Modality": "MR",
    "MultisliceMode": "interleaved",
    "PatientPosition": "HFS",
    "PhilipsRescaleIntercept": 0,
    "PhilipsRescaleSlope": 1.96825,
    "PhilipsScaleSlope": 0.00451804,
    "ProtocolName": "fMRI_BodyMap",
    "RepetitionTime": 2.1,
    "SeriesDescription": "ImageMRSERIES",
    "SeriesNumber": 12,
    "SliceThickness": 1.75,
    "SliceTiming": [
      0.0,
      1.07561,
      0.0512195,
      1.12683,
      0.102439,
      1.17805,
      0.153659,
      1.22927,
      0.204878,
      1.28049,
      0.256098,
      1.33171,
      0.307317,
      1.38293,
      0.358537,
      1.43415,
      0.409756,
      1.48537,
      0.460976,
      1.53659,
      0.512195,
      1.5878,
      0.563415,
      1.63902,
      0.614634,
      1.69024,
      0.665854,
      1.74146,
      0.717073,
      1.79268,
      0.768293,
      1.8439,
      0.819512,
      1.89512,
      0.870732,
      1.94634,
      0.921951,
      1.99756,
      0.973171,
      2.04878,
      1.02439
    ],
    "Slices": 41,
    "TR": 2.1,
    "TaskName": "Body Motor",
    "UsePhilipsFloatNotDisplayScaling": 0,
    "dataset": "ds003972",
    "modality": "bold",
    "run_id": 4,
    "subject_id": "01",
    "task_id": "bodymotor"
  },
  "dummy_trs": 0,
  "dvars_nstd": 53.485686483000016,
  "dvars_std": 1.015806806368421,
  "dvars_vstd": 0.9342156120526318,
  "efc": 0.45134926044670814,
  "fber": 226736.328125,
  "fd_mean": 0.28615618278006727,
  "fd_num": 99,
  "fd_perc": 51.832460732984295,
  "fwhm_avg": 2.460174084569633,
  "fwhm_x": 2.5012295623410483,
  "fwhm_y": 2.7444641199392796,
  "fwhm_z": 2.1348285714285713,
  "gcor": 0.0364672,
  "gsr_x": -0.0032503409311175346,
  "gsr_y": 0.017118562012910843,
  "provenance": {
    "md5sum": "15a47c5f334bdc62aeee9006e8fa375a",
    "settings": {
      "fd_thres": 0.2,
      "testing": false
    },
    "software": "mriqc",
    "version": "23.0.0",
    "webapi_port": null,
    "webapi_url": "https://mriqc.nimh.nih.gov/api/v1"
  },
  "size_t": 191,
  "size_x": 144,
  "size_y": 144,
  "size_z": 41,
  "snr": 2.8477213870506897,
  "spacing_tr": 2.0999999046325684,
  "spacing_x": 1.5859999656677246,
  "spacing_y": 1.5859999656677246,
  "spacing_z": 1.75,
  "summary_bg_k": 47.70364106382025,
  "summary_bg_mad": 2.0755968972460446,
  "summary_bg_mean": 16.13897132873535,
  "summary_bg_median": 1.4223716259002686,
  "summary_bg_n": 575281.0,
  "summary_bg_p05": 0.010822522453963757,
  "summary_bg_p95": 80.907470703125,
  "summary_bg_stdv": 46.0267448425293,
  "summary_fg_k": 2.6195176824702733,
  "summary_fg_mad": 198.93428794816583,
  "summary_fg_mean": 751.0231323242188,
  "summary_fg_median": 712.8197021484375,
  "summary_fg_n": 170281.0,
  "summary_fg_p05": 425.7149963378906,
  "summary_fg_p95": 1217.2388916015625,
  "summary_fg_stdv": 250.3115692138672,
  "tsnr": 24.884254455566406
}