{
  "aor": 0.008455968586387435,
  "aqi": 0.010520777434554972,
  "bids_meta": {
    "AcquisitionNumber": 11,
    "Conditions": [
      "Toes",
      "Ankle",
      "Knee",
      "Abdomen",
      "Shoulder",
      "Elbow",
      "Wrist",
      "Little finger",
      "Ring finger",
      "Middle finger",
      "Index finger",
      "Thumb",
      "Forehead",
      "Eyelid",
      "Nostrils",
      "Lip",
      "Jaw",
      "Tongue"
    ],
    "ConversionSoftware": "dcm2niix",
    "ConversionSoftwareVersion": "v1.0.20211006",
    "EchoTime": 0.025,
    "FlipAngle": 70,
    "ImageComments": "fMRI_PC",
    "ImageOrientationPatientDICOM": [
      1,
      0,
      0,
      0,
      1,
      0
    ],
    "MagneticFieldStrength": 7,
    "Manufacturer": "Philips",
    "Modality": "MR",
    "MultisliceMode": "interleaved",
    "PatientPosition": "HFS",
    "PhilipsRescaleIntercept": 0,
    "PhilipsRescaleSlope": 1.63101,
    "PhilipsScaleSlope": 0.00508543,
    "ProtocolName": "fMRI_BodyMap_191",
    "RepetitionTime": 2.1,
    "SeriesDescription": "ImageMRSERIES",
    "SeriesNumber": 11,
    "SliceThickness": 1.75,
    "SliceTiming": [
      0.0,
      1.07561,
      0.0512195,
      1.12683,
      0.102439,
      1.17805,
      0.153659,
      1.22927,
      0.204878,
      1.28049,
      0.256098,
      1.33171,
      0.307317,
      1.38293,
      0.358537,
      1.43415,
      0.409756,
      1.48537,
      0.460976,
      1.53659,
      0.512195,
      1.5878,
      0.563415,
      1.63902,
      0.614634,
      1.69024,
      0.665854,
      1.74146,
      0.717073,
      1.79268,
      0.768293,
      1.8439,
      0.819512,
      1.89512,
      0.870732,
      1.94634,
      0.921951,
      1.99756,
      0.973171,
      2.04878,
      1.02439
    ],
    "Slices": 41,
    "TR": 2.1,
    "TaskName": "Body Motor",
    "UsePhilipsFloatNotDisplayScaling": 0,
    "dataset": "ds003972",
    "modality": "bold",
    "run_id": 4,
    "subject_id": "08",
    "task_id": "bodymotor"
  },
  "dummy_trs": 0,
  "dvars_nstd": 36.826044082210515,
  "dvars_std": 1.1412003556315784,
  "dvars_vstd": 0.9971468991052633,
  "efc": 0.4608561943770153,
  "fber": 713066.25,
  "fd_mean": 0.21571672021748506,
  "fd_num": 72,
  "fd_perc": 37.696335078534034,
  "fwhm_avg": 2.3614870279069717,
  "fwhm_x": 2.3475284240832237,
  "fwhm_y": 2.6101955167805495,
  "fwhm_z": 2.126737142857143,
  "gcor": 0.0183642,
  "gsr_x": 0.011942777782678604,
  "gsr_y": 0.00715783704072237,
  "provenance": {
    "md5sum": "22fb2bf348b98fe0de165e47abf22ea9",
    "settings": {
      "fd_thres": 0.2,
      "testing": false
    },
    "software": "mriqc",
    "version": "23.0.0",
    "webapi_port": null,
    "webapi_url": "https://mriqc.nimh.nih.gov/api/v1"
  },
  "size_t": 191,
  "size_x": 144,
  "size_y": 144,
  "size_z": 41,
  "snr": 3.575987992822432,
  "spacing_tr": 2.0999999046325684,
  "spacing_x": 1.5859999656677246,
  "spacing_y": 1.5859999656677246,
  "spacing_z": 1.75,
  "summary_bg_k": 62.108922353216215,
  "summary_bg_mad": 1.1594103440508654,
  "summary_bg_mean": 14.676262855529785,
  "summary_bg_median": 0.783734142780304,
  "summary_bg_n": 572609.0,
  "summary_bg_p05": 0.0013824431225657463,
  "summary_bg_p95": 62.289461517333976,
  "summary_bg_stdv": 49.332088470458984,
  "summary_fg_k": 2.40069369844701,
  "summary_fg_mad": 161.27402886661582,
  "summary_fg_mean": 691.0532836914062,
  "summary_fg_median": 673.262939453125,
  "summary_fg_n": 177400.0,
  "summary_fg_p05": 425.16129302978516,
  "summary_fg_p95": 1015.2705444335936,
  "summary_fg_stdv": 188.27273559570312,
  "tsnr": 43.30924987792969
}