{
  "aor": 0.009165569620253165,
  "aqi": 0.010080544556962027,
  "bids_meta": {
    "AcquisitionNumber": 8,
    "Conditions": [
      "Toes",
      "Ankle",
      "Knee",
      "Abdomen",
      "Shoulder",
      "Elbow",
      "Wrist",
      "Little finger",
      "Ring finger",
      "Middle finger",
      "Index finger",
      "Thumb",
      "Forehead",
      "Eyelid",
      "Nostrils",
      "Lip",
      "Jaw",
      "Tongue"
    ],
    "ConversionSoftware": "dcm2niix",
    "ConversionSoftwareVersion": "v1.0.20211006",
    "EchoTime": 0.025,
    "FlipAngle": 70,
    "ImageComments": "fMRI_PC",
    "ImageOrientationPatientDICOM": [
      1,
      0,
      0,
      0,
      1,
      0
    ],
    "MagneticFieldStrength": 7,
    "Manufacturer": "Philips",
    "Modality": "MR",
    "MultisliceMode": "interleaved",
    "PatientPosition": "HFS",
    "PhilipsRescaleIntercept": 0,
    "PhilipsRescaleSlope": 1.62515,
    "PhilipsScaleSlope": 0.00507805,
    "ProtocolName": "fMRI_BodyMap_237",
    "RepetitionTime": 2.1,
    "SeriesDescription": "ImageMRSERIES",
    "SeriesNumber": 8,
    "SliceThickness": 1.75,
    "SliceTiming": [
      0.0,
      1.07561,
      0.0512195,
      1.12683,
      0.102439,
      1.17805,
      0.153659,
      1.22927,
      0.204878,
      1.28049,
      0.256098,
      1.33171,
      0.307317,
      1.38293,
      0.358537,
      1.43415,
      0.409756,
      1.48537,
      0.460976,
      1.53659,
      0.512195,
      1.5878,
      0.563415,
      1.63902,
      0.614634,
      1.69024,
      0.665854,
      1.74146,
      0.717073,
      1.79268,
      0.768293,
      1.8439,
      0.819512,
      1.89512,
      0.870732,
      1.94634,
      0.921951,
      1.99756,
      0.973171,
      2.04878,
      1.02439
    ],
    "Slices": 41,
    "TR": 2.1,
    "TaskName": "Body Motor",
    "UsePhilipsFloatNotDisplayScaling": 0,
    "dataset": "ds003972",
    "modality": "bold",
    "run_id": 2,
    "subject_id": "08",
    "task_id": "bodymotor"
  },
  "dummy_trs": 0,
  "dvars_nstd": 36.32937824114406,
  "dvars_std": 1.204861524915255,
  "dvars_vstd": 1.0183691369915255,
  "efc": 0.45883436757757046,
  "fber": 524096.84375,
  "fd_mean": 0.2006584425707011,
  "fd_num": 74,
  "fd_perc": 31.223628691983123,
  "fwhm_avg": 2.332109363423239,
  "fwhm_x": 2.318846204042413,
  "fwhm_y": 2.5835561719415905,
  "fwhm_z": 2.093925714285714,
  "gcor": 0.0333417,
  "gsr_x": 0.010969942435622215,
  "gsr_y": 0.007035853806883097,
  "provenance": {
    "md5sum": "32fa985657c3f9d94e2f7bc64ade0583",
    "settings": {
      "fd_thres": 0.2,
      "testing": false
    },
    "software": "mriqc",
    "version": "23.0.0",
    "webapi_port": null,
    "webapi_url": "https://mriqc.nimh.nih.gov/api/v1"
  },
  "size_t": 237,
  "size_x": 144,
  "size_y": 144,
  "size_z": 41,
  "snr": 3.5943949959707693,
  "spacing_tr": 2.0999999046325684,
  "spacing_x": 1.5859999656677246,
  "spacing_y": 1.5859999656677246,
  "spacing_z": 1.75,
  "summary_bg_k": 65.13591939943291,
  "summary_bg_mad": 1.3262372902945299,
  "summary_bg_mean": 14.309185981750488,
  "summary_bg_median": 0.9010332822799683,
  "summary_bg_n": 573947.0,
  "summary_bg_p05": 0.004365288373082876,
  "summary_bg_p95": 59.18531379699706,
  "summary_bg_stdv": 48.59527587890625,
  "summary_fg_k": 2.425355040178439,
  "summary_fg_mad": 161.7687423876467,
  "summary_fg_mean": 694.2982177734375,
  "summary_fg_median": 676.5802001953125,
  "summary_fg_n": 175700.0,
  "summary_fg_p05": 429.05095825195315,
  "summary_fg_p95": 1019.3262878417967,
  "summary_fg_stdv": 188.23147583007812,
  "tsnr": 43.29981231689453
}