{
  "aor": 0.008306439790575918,
  "aqi": 0.022276001047120422,
  "bids_meta": {
    "AcquisitionNumber": 11,
    "Conditions": [
      "Toes",
      "Ankle",
      "Knee",
      "Abdomen",
      "Shoulder",
      "Elbow",
      "Wrist",
      "Little finger",
      "Ring finger",
      "Middle finger",
      "Index finger",
      "Thumb",
      "Forehead",
      "Eyelid",
      "Nostrils",
      "Lip",
      "Jaw",
      "Tongue"
    ],
    "ConversionSoftware": "dcm2niix",
    "ConversionSoftwareVersion": "v1.0.20211006",
    "EchoTime": 0.025,
    "FlipAngle": 70,
    "ImageComments": "fMRI_PC",
    "ImageOrientationPatientDICOM": [
      1,
      0,
      0,
      0,
      1,
      0
    ],
    "MagneticFieldStrength": 7,
    "Manufacturer": "Philips",
    "Modality": "MR",
    "MultisliceMode": "interleaved",
    "PatientPosition": "HFS",
    "PhilipsRescaleIntercept": 0,
    "PhilipsRescaleSlope": 2.17265,
    "PhilipsScaleSlope": 0.00526414,
    "ProtocolName": "fMRI_BodyMap",
    "RepetitionTime": 2.1,
    "SeriesDescription": "ImageMRSERIES",
    "SeriesNumber": 11,
    "SliceThickness": 1.75,
    "SliceTiming": [
      0.0,
      1.07561,
      0.0512195,
      1.12683,
      0.102439,
      1.17805,
      0.153659,
      1.22927,
      0.204878,
      1.28049,
      0.256098,
      1.33171,
      0.307317,
      1.38293,
      0.358537,
      1.43415,
      0.409756,
      1.48537,
      0.460976,
      1.53659,
      0.512195,
      1.5878,
      0.563415,
      1.63902,
      0.614634,
      1.69024,
      0.665854,
      1.74146,
      0.717073,
      1.79268,
      0.768293,
      1.8439,
      0.819512,
      1.89512,
      0.870732,
      1.94634,
      0.921951,
      1.99756,
      0.973171,
      2.04878,
      1.02439
    ],
    "Slices": 41,
    "TR": 2.1,
    "TaskName": "Body Motor",
    "UsePhilipsFloatNotDisplayScaling": 0,
    "dataset": "ds003972",
    "modality": "bold",
    "run_id": 4,
    "subject_id": "07",
    "task_id": "bodymotor"
  },
  "dummy_trs": 0,
  "dvars_nstd": 41.7971925735263,
  "dvars_std": 0.9911778378421052,
  "dvars_vstd": 0.9090442997368415,
  "efc": 0.43617456346227407,
  "fber": 589482.1875,
  "fd_mean": 0.25353761069361025,
  "fd_num": 87,
  "fd_perc": 45.54973821989529,
  "fwhm_avg": 2.4607692204748837,
  "fwhm_x": 2.4822951357016647,
  "fwhm_y": 2.7486696685801286,
  "fwhm_z": 2.1513428571428572,
  "gcor": 0.0345201,
  "gsr_x": -0.004687969572842121,
  "gsr_y": 0.0065003749914467335,
  "provenance": {
    "md5sum": "766ef76f0c5fc72dd517fa93daff6297",
    "settings": {
      "fd_thres": 0.2,
      "testing": false
    },
    "software": "mriqc",
    "version": "23.0.0",
    "webapi_port": null,
    "webapi_url": "https://mriqc.nimh.nih.gov/api/v1"
  },
  "size_t": 191,
  "size_x": 144,
  "size_y": 144,
  "size_z": 41,
  "snr": 3.855031797166675,
  "spacing_tr": 2.0999999046325684,
  "spacing_x": 1.5859999656677246,
  "spacing_y": 1.5859999656677246,
  "spacing_z": 1.75,
  "summary_bg_k": 48.862697581329606,
  "summary_bg_mad": 1.6155709608459867,
  "summary_bg_mean": 18.608169555664062,
  "summary_bg_median": 1.1059048175811768,
  "summary_bg_n": 597530.0,
  "summary_bg_p05": 0.009876569220796228,
  "summary_bg_p95": 75.94188766479485,
  "summary_bg_stdv": 61.138427734375,
  "summary_fg_k": 1.9649005732680056,
  "summary_fg_mad": 205.69151179231065,
  "summary_fg_mean": 865.2271118164062,
  "summary_fg_median": 846.8833618164062,
  "summary_fg_n": 152889.0,
  "summary_fg_p05": 548.478271484375,
  "summary_fg_p95": 1234.8964599609378,
  "summary_fg_stdv": 219.68186950683594,
  "tsnr": 28.014448165893555
}