{
  "aor": 0.004892722513089007,
  "aqi": 0.011396692460732985,
  "bids_meta": {
    "AcquisitionNumber": 10,
    "Conditions": [
      "Toes",
      "Ankle",
      "Knee",
      "Abdomen",
      "Shoulder",
      "Elbow",
      "Wrist",
      "Little finger",
      "Ring finger",
      "Middle finger",
      "Index finger",
      "Thumb",
      "Forehead",
      "Eyelid",
      "Nostrils",
      "Lip",
      "Jaw",
      "Tongue"
    ],
    "ConversionSoftware": "dcm2niix",
    "ConversionSoftwareVersion": "v1.0.20211006",
    "EchoTime": 0.025,
    "FlipAngle": 70,
    "ImageComments": "fMRI_PC",
    "ImageOrientationPatientDICOM": [
      1,
      0,
      0,
      0,
      1,
      0
    ],
    "MagneticFieldStrength": 7,
    "Manufacturer": "Philips",
    "Modality": "MR",
    "MultisliceMode": "interleaved",
    "PatientPosition": "HFS",
    "PhilipsRescaleIntercept": 0,
    "PhilipsRescaleSlope": 2.32015,
    "PhilipsScaleSlope": 0.00526344,
    "ProtocolName": "fMRI_BodyMap",
    "RepetitionTime": 2.1,
    "SeriesDescription": "ImageMRSERIES",
    "SeriesNumber": 10,
    "SliceThickness": 1.75,
    "SliceTiming": [
      0.0,
      1.07561,
      0.0512195,
      1.12683,
      0.102439,
      1.17805,
      0.153659,
      1.22927,
      0.204878,
      1.28049,
      0.256098,
      1.33171,
      0.307317,
      1.38293,
      0.358537,
      1.43415,
      0.409756,
      1.48537,
      0.460976,
      1.53659,
      0.512195,
      1.5878,
      0.563415,
      1.63902,
      0.614634,
      1.69024,
      0.665854,
      1.74146,
      0.717073,
      1.79268,
      0.768293,
      1.8439,
      0.819512,
      1.89512,
      0.870732,
      1.94634,
      0.921951,
      1.99756,
      0.973171,
      2.04878,
      1.02439
    ],
    "Slices": 41,
    "TR": 2.1,
    "TaskName": "Body Motor",
    "UsePhilipsFloatNotDisplayScaling": 0,
    "dataset": "ds003972",
    "modality": "bold",
    "run_id": 3,
    "subject_id": "07",
    "task_id": "bodymotor"
  },
  "dummy_trs": 0,
  "dvars_nstd": 33.26667756563158,
  "dvars_std": 1.149522881947368,
  "dvars_vstd": 1.0107974621052638,
  "efc": 0.43960767788472804,
  "fber": 468958.4375,
  "fd_mean": 0.19901847734046002,
  "fd_num": 61,
  "fd_perc": 31.93717277486911,
  "fwhm_avg": 2.387683063603644,
  "fwhm_x": 2.455252259958636,
  "fwhm_y": 2.6893569308522967,
  "fwhm_z": 2.01844,
  "gcor": 0.016244,
  "gsr_x": -0.005238051060587168,
  "gsr_y": 0.004229856189340353,
  "provenance": {
    "md5sum": "87f5833159b05722e8311eeff7fec631",
    "settings": {
      "fd_thres": 0.2,
      "testing": false
    },
    "software": "mriqc",
    "version": "23.0.0",
    "webapi_port": null,
    "webapi_url": "https://mriqc.nimh.nih.gov/api/v1"
  },
  "size_t": 191,
  "size_x": 144,
  "size_y": 144,
  "size_z": 41,
  "snr": 3.7944324121568367,
  "spacing_tr": 2.0999999046325684,
  "spacing_x": 1.5859999656677246,
  "spacing_y": 1.5859999656677246,
  "spacing_z": 1.75,
  "summary_bg_k": 48.32006404958148,
  "summary_bg_mad": 1.89374276507574,
  "summary_bg_mean": 20.2504940032959,
  "summary_bg_median": 1.2944920063018799,
  "summary_bg_n": 593956.0,
  "summary_bg_p05": 0.009427742101252079,
  "summary_bg_p95": 84.7203369140625,
  "summary_bg_stdv": 66.83577728271484,
  "summary_fg_k": 2.097688425784443,
  "summary_fg_mad": 220.117835857302,
  "summary_fg_mean": 920.5195922851562,
  "summary_fg_median": 899.3890380859375,
  "summary_fg_n": 155510.0,
  "summary_fg_p05": 581.6409423828125,
  "summary_fg_p95": 1317.2788391113274,
  "summary_fg_stdv": 237.02784729003906,
  "tsnr": 41.17570114135742
}