{
  "aor": 0.007111687763713079,
  "aqi": 0.02492628776371308,
  "bids_meta": {
    "AcquisitionNumber": 8,
    "Conditions": [
      "Toes",
      "Ankle",
      "Knee",
      "Abdomen",
      "Shoulder",
      "Elbow",
      "Wrist",
      "Little finger",
      "Ring finger",
      "Middle finger",
      "Index finger",
      "Thumb",
      "Forehead",
      "Eyelid",
      "Nostrils",
      "Lip",
      "Jaw",
      "Tongue"
    ],
    "ConversionSoftware": "dcm2niix",
    "ConversionSoftwareVersion": "v1.0.20211006",
    "EchoTime": 0.025,
    "FlipAngle": 70,
    "ImageComments": "fMRI_PC",
    "ImageOrientationPatientDICOM": [
      1,
      0,
      0,
      0,
      1,
      0
    ],
    "MagneticFieldStrength": 7,
    "Manufacturer": "Philips",
    "Modality": "MR",
    "MultisliceMode": "interleaved",
    "PatientPosition": "HFS",
    "PhilipsRescaleIntercept": 0,
    "PhilipsRescaleSlope": 2.34847,
    "PhilipsScaleSlope": 0.00527945,
    "ProtocolName": "fMRI_BodyMap",
    "RepetitionTime": 2.1,
    "SeriesDescription": "ImageMRSERIES",
    "SeriesNumber": 8,
    "SliceThickness": 1.75,
    "SliceTiming": [
      0.0,
      1.07561,
      0.0512195,
      1.12683,
      0.102439,
      1.17805,
      0.153659,
      1.22927,
      0.204878,
      1.28049,
      0.256098,
      1.33171,
      0.307317,
      1.38293,
      0.358537,
      1.43415,
      0.409756,
      1.48537,
      0.460976,
      1.53659,
      0.512195,
      1.5878,
      0.563415,
      1.63902,
      0.614634,
      1.69024,
      0.665854,
      1.74146,
      0.717073,
      1.79268,
      0.768293,
      1.8439,
      0.819512,
      1.89512,
      0.870732,
      1.94634,
      0.921951,
      1.99756,
      0.973171,
      2.04878,
      1.02439
    ],
    "Slices": 41,
    "TR": 2.1,
    "TaskName": "Body Motor",
    "UsePhilipsFloatNotDisplayScaling": 0,
    "dataset": "ds003972",
    "modality": "bold",
    "run_id": 2,
    "subject_id": "07",
    "task_id": "bodymotor"
  },
  "dummy_trs": 0,
  "dvars_nstd": 42.50609803593221,
  "dvars_std": 0.9793143981779665,
  "dvars_vstd": 0.8858798651271177,
  "efc": 0.43961760724303867,
  "fber": 485317.03125,
  "fd_mean": 0.2723067269357633,
  "fd_num": 131,
  "fd_perc": 55.27426160337553,
  "fwhm_avg": 2.4687918087088367,
  "fwhm_x": 2.49025856588666,
  "fwhm_y": 2.7561854316684222,
  "fwhm_z": 2.1599314285714284,
  "gcor": 0.0242693,
  "gsr_x": -0.00414997385814786,
  "gsr_y": 0.005900087300688028,
  "provenance": {
    "md5sum": "c6337c8b758ec96512ed054a0bde6b54",
    "settings": {
      "fd_thres": 0.2,
      "testing": false
    },
    "software": "mriqc",
    "version": "23.0.0",
    "webapi_port": null,
    "webapi_url": "https://mriqc.nimh.nih.gov/api/v1"
  },
  "size_t": 237,
  "size_x": 144,
  "size_y": 144,
  "size_z": 41,
  "snr": 3.866228389601687,
  "spacing_tr": 2.0999999046325684,
  "spacing_x": 1.5859999656677246,
  "spacing_y": 1.5859999656677246,
  "spacing_z": 1.75,
  "summary_bg_k": 48.444578168926796,
  "summary_bg_mad": 1.9300496770943263,
  "summary_bg_mean": 20.2633113861084,
  "summary_bg_median": 1.332693099975586,
  "summary_bg_n": 594688.0,
  "summary_bg_p05": 0.01903288420289755,
  "summary_bg_p95": 81.96776161193853,
  "summary_bg_stdv": 66.838134765625,
  "summary_fg_k": 1.945971915562584,
  "summary_fg_mad": 221.35638423161146,
  "summary_fg_mean": 935.00244140625,
  "summary_fg_median": 915.6158447265625,
  "summary_fg_n": 156490.0,
  "summary_fg_p05": 592.9337768554688,
  "summary_fg_p95": 1331.3644226074214,
  "summary_fg_stdv": 236.8232879638672,
  "tsnr": 25.203590393066406
}