{
  "aor": 0.0029435864978902956,
  "aqi": 0.017904077004219407,
  "bids_meta": {
    "AcquisitionNumber": 7,
    "Conditions": [
      "Toes",
      "Ankle",
      "Knee",
      "Abdomen",
      "Shoulder",
      "Elbow",
      "Wrist",
      "Little finger",
      "Ring finger",
      "Middle finger",
      "Index finger",
      "Thumb",
      "Forehead",
      "Eyelid",
      "Nostrils",
      "Lip",
      "Jaw",
      "Tongue"
    ],
    "ConversionSoftware": "dcm2niix",
    "ConversionSoftwareVersion": "v1.0.20211006",
    "EchoTime": 0.025,
    "FlipAngle": 70,
    "ImageComments": "fMRI_PC",
    "ImageOrientationPatientDICOM": [
      1,
      0,
      0,
      0,
      1,
      0
    ],
    "MagneticFieldStrength": 7,
    "Manufacturer": "Philips",
    "Modality": "MR",
    "MultisliceMode": "interleaved",
    "PatientPosition": "HFS",
    "PhilipsRescaleIntercept": 0,
    "PhilipsRescaleSlope": 2.25592,
    "PhilipsScaleSlope": 0.00520082,
    "ProtocolName": "fMRI_BodyMap",
    "RepetitionTime": 2.1,
    "SeriesDescription": "ImageMRSERIES",
    "SeriesNumber": 7,
    "SliceThickness": 1.75,
    "SliceTiming": [
      0.0,
      1.07561,
      0.0512195,
      1.12683,
      0.102439,
      1.17805,
      0.153659,
      1.22927,
      0.204878,
      1.28049,
      0.256098,
      1.33171,
      0.307317,
      1.38293,
      0.358537,
      1.43415,
      0.409756,
      1.48537,
      0.460976,
      1.53659,
      0.512195,
      1.5878,
      0.563415,
      1.63902,
      0.614634,
      1.69024,
      0.665854,
      1.74146,
      0.717073,
      1.79268,
      0.768293,
      1.8439,
      0.819512,
      1.89512,
      0.870732,
      1.94634,
      0.921951,
      1.99756,
      0.973171,
      2.04878,
      1.02439
    ],
    "Slices": 41,
    "TR": 2.1,
    "TaskName": "Body Motor",
    "UsePhilipsFloatNotDisplayScaling": 0,
    "dataset": "ds003972",
    "modality": "bold",
    "run_id": 1,
    "subject_id": "07",
    "task_id": "bodymotor"
  },
  "dummy_trs": 0,
  "dvars_nstd": 33.984446202584756,
  "dvars_std": 1.0810730489830513,
  "dvars_vstd": 0.9559598938983054,
  "efc": 0.4353782754696291,
  "fber": 520348.21875,
  "fd_mean": 0.21306641000495039,
  "fd_num": 95,
  "fd_perc": 40.08438818565401,
  "fwhm_avg": 2.435947247204251,
  "fwhm_x": 2.4845271660147987,
  "fwhm_y": 2.7391488613122403,
  "fwhm_z": 2.084165714285714,
  "gcor": 0.0121552,
  "gsr_x": -0.004361012484878302,
  "gsr_y": 0.004856065381318331,
  "provenance": {
    "md5sum": "7655bb6b641bbbcb481c4ec6babae915",
    "settings": {
      "fd_thres": 0.2,
      "testing": false
    },
    "software": "mriqc",
    "version": "23.0.0",
    "webapi_port": null,
    "webapi_url": "https://mriqc.nimh.nih.gov/api/v1"
  },
  "size_t": 237,
  "size_x": 144,
  "size_y": 144,
  "size_z": 41,
  "snr": 3.8240377431655403,
  "spacing_tr": 2.0999999046325684,
  "spacing_x": 1.5859999656677246,
  "spacing_y": 1.5859999656677246,
  "spacing_z": 1.75,
  "summary_bg_k": 48.15958517763609,
  "summary_bg_mad": 1.809687940189375,
  "summary_bg_mean": 19.082103729248047,
  "summary_bg_median": 1.2342209815979004,
  "summary_bg_n": 597166.0,
  "summary_bg_p05": 0.006845968775451183,
  "summary_bg_p95": 77.30027770996094,
  "summary_bg_stdv": 63.2193489074707,
  "summary_fg_k": 1.888482717399964,
  "summary_fg_mad": 216.18388153929644,
  "summary_fg_mean": 902.202392578125,
  "summary_fg_median": 881.4296875,
  "summary_fg_n": 153290.0,
  "summary_fg_p05": 571.0606353759765,
  "summary_fg_p95": 1290.8067077636717,
  "summary_fg_stdv": 230.49636840820312,
  "tsnr": 34.26210021972656
}