{
  "aor": 0.008764502617801047,
  "aqi": 0.010485974397905757,
  "bids_meta": {
    "AcquisitionNumber": 11,
    "Conditions": [
      "Toes",
      "Ankle",
      "Knee",
      "Abdomen",
      "Shoulder",
      "Elbow",
      "Wrist",
      "Little finger",
      "Ring finger",
      "Middle finger",
      "Index finger",
      "Thumb",
      "Forehead",
      "Eyelid",
      "Nostrils",
      "Lip",
      "Jaw",
      "Tongue"
    ],
    "ConversionSoftware": "dcm2niix",
    "ConversionSoftwareVersion": "v1.0.20211006",
    "EchoTime": 0.025,
    "FlipAngle": 70,
    "ImageComments": "fMRI_PC",
    "ImageOrientationPatientDICOM": [
      1,
      0,
      0,
      0,
      1,
      0
    ],
    "MagneticFieldStrength": 7,
    "Manufacturer": "Philips",
    "Modality": "MR",
    "MultisliceMode": "interleaved",
    "PatientPosition": "HFS",
    "PhilipsRescaleIntercept": 0,
    "PhilipsRescaleSlope": 2,
    "PhilipsScaleSlope": 0.00498102,
    "ProtocolName": "fMRI_BodyMap_191",
    "RepetitionTime": 2.1,
    "SeriesDescription": "ImageMRSERIES",
    "SeriesNumber": 11,
    "SliceThickness": 1.75,
    "SliceTiming": [
      0.0,
      1.07561,
      0.0512195,
      1.12683,
      0.102439,
      1.17805,
      0.153659,
      1.22927,
      0.204878,
      1.28049,
      0.256098,
      1.33171,
      0.307317,
      1.38293,
      0.358537,
      1.43415,
      0.409756,
      1.48537,
      0.460976,
      1.53659,
      0.512195,
      1.5878,
      0.563415,
      1.63902,
      0.614634,
      1.69024,
      0.665854,
      1.74146,
      0.717073,
      1.79268,
      0.768293,
      1.8439,
      0.819512,
      1.89512,
      0.870732,
      1.94634,
      0.921951,
      1.99756,
      0.973171,
      2.04878,
      1.02439
    ],
    "Slices": 41,
    "TR": 2.1,
    "TaskName": "Body Motor",
    "UsePhilipsFloatNotDisplayScaling": 0,
    "dataset": "ds003972",
    "modality": "bold",
    "run_id": 4,
    "subject_id": "03",
    "task_id": "bodymotor"
  },
  "dummy_trs": 0,
  "dvars_nstd": 36.269671681105265,
  "dvars_std": 1.1281144025789478,
  "dvars_vstd": 0.9658596993684214,
  "efc": 0.4232351356944073,
  "fber": 2332810.25,
  "fd_mean": 0.14346943771022264,
  "fd_num": 23,
  "fd_perc": 12.041884816753926,
  "fwhm_avg": 2.5943315715217885,
  "fwhm_x": 2.5655549105178674,
  "fwhm_y": 2.931582661190355,
  "fwhm_z": 2.285857142857143,
  "gcor": 0.0698117,
  "gsr_x": -0.011410333216190338,
  "gsr_y": 0.017775557935237885,
  "provenance": {
    "md5sum": "9a31f8a8c993911b285c520ad582803d",
    "settings": {
      "fd_thres": 0.2,
      "testing": false
    },
    "software": "mriqc",
    "version": "23.0.0",
    "webapi_port": null,
    "webapi_url": "https://mriqc.nimh.nih.gov/api/v1"
  },
  "size_t": 191,
  "size_x": 144,
  "size_y": 144,
  "size_z": 41,
  "snr": 3.2158370325349095,
  "spacing_tr": 2.0999999046325684,
  "spacing_x": 1.5859999656677246,
  "spacing_y": 1.5859999656677246,
  "spacing_z": 1.75,
  "summary_bg_k": 75.7867208482521,
  "summary_bg_mad": 0.6883878427245584,
  "summary_bg_mean": 10.095237731933594,
  "summary_bg_median": 0.4684355854988098,
  "summary_bg_n": 595050.0,
  "summary_bg_p05": 0.003923234739340841,
  "summary_bg_p95": 52.78662033081049,
  "summary_bg_stdv": 28.789352416992188,
  "summary_fg_k": 2.7077060162375606,
  "summary_fg_mad": 209.19911843255198,
  "summary_fg_mean": 791.0284423828125,
  "summary_fg_median": 761.3007202148438,
  "summary_fg_n": 156423.0,
  "summary_fg_p05": 468.19700012207034,
  "summary_fg_p95": 1203.8861328124997,
  "summary_fg_stdv": 236.73410034179688,
  "tsnr": 42.53898239135742
}