{
  "aor": 0.003679685863874345,
  "aqi": 0.005388829214659686,
  "bids_meta": {
    "AcquisitionNumber": 10,
    "Conditions": [
      "Toes",
      "Ankle",
      "Knee",
      "Abdomen",
      "Shoulder",
      "Elbow",
      "Wrist",
      "Little finger",
      "Ring finger",
      "Middle finger",
      "Index finger",
      "Thumb",
      "Forehead",
      "Eyelid",
      "Nostrils",
      "Lip",
      "Jaw",
      "Tongue"
    ],
    "ConversionSoftware": "dcm2niix",
    "ConversionSoftwareVersion": "v1.0.20211006",
    "EchoTime": 0.025,
    "FlipAngle": 70,
    "ImageComments": "fMRI_PC",
    "ImageOrientationPatientDICOM": [
      1,
      0,
      0,
      0,
      1,
      0
    ],
    "MagneticFieldStrength": 7,
    "Manufacturer": "Philips",
    "Modality": "MR",
    "MultisliceMode": "interleaved",
    "PatientPosition": "HFS",
    "PhilipsRescaleIntercept": 0,
    "PhilipsRescaleSlope": 1.97436,
    "PhilipsScaleSlope": 0.00500126,
    "ProtocolName": "fMRI_BodyMap_191",
    "RepetitionTime": 2.1,
    "SeriesDescription": "ImageMRSERIES",
    "SeriesNumber": 10,
    "SliceThickness": 1.75,
    "SliceTiming": [
      0.0,
      1.07561,
      0.0512195,
      1.12683,
      0.102439,
      1.17805,
      0.153659,
      1.22927,
      0.204878,
      1.28049,
      0.256098,
      1.33171,
      0.307317,
      1.38293,
      0.358537,
      1.43415,
      0.409756,
      1.48537,
      0.460976,
      1.53659,
      0.512195,
      1.5878,
      0.563415,
      1.63902,
      0.614634,
      1.69024,
      0.665854,
      1.74146,
      0.717073,
      1.79268,
      0.768293,
      1.8439,
      0.819512,
      1.89512,
      0.870732,
      1.94634,
      0.921951,
      1.99756,
      0.973171,
      2.04878,
      1.02439
    ],
    "Slices": 41,
    "TR": 2.1,
    "TaskName": "Body Motor",
    "UsePhilipsFloatNotDisplayScaling": 0,
    "dataset": "ds003972",
    "modality": "bold",
    "run_id": 3,
    "subject_id": "03",
    "task_id": "bodymotor"
  },
  "dummy_trs": 0,
  "dvars_nstd": 30.26973091957895,
  "dvars_std": 1.204175606526316,
  "dvars_vstd": 1.0051532934736847,
  "efc": 0.4259858394523413,
  "fber": 1244165.25,
  "fd_mean": 0.11799222944510263,
  "fd_num": 22,
  "fd_perc": 11.518324607329843,
  "fwhm_avg": 2.5881576518525446,
  "fwhm_x": 2.550630572237674,
  "fwhm_y": 2.9111223833199595,
  "fwhm_z": 2.30272,
  "gcor": 0.0232534,
  "gsr_x": -0.011822391301393509,
  "gsr_y": 0.01753278076648712,
  "provenance": {
    "md5sum": "9ea98ced795ad66dbf0baf6186ca28e5",
    "settings": {
      "fd_thres": 0.2,
      "testing": false
    },
    "software": "mriqc",
    "version": "23.0.0",
    "webapi_port": null,
    "webapi_url": "https://mriqc.nimh.nih.gov/api/v1"
  },
  "size_t": 191,
  "size_x": 144,
  "size_y": 144,
  "size_z": 41,
  "snr": 3.1932344642792074,
  "spacing_tr": 2.0999999046325684,
  "spacing_x": 1.5859999656677246,
  "spacing_y": 1.5859999656677246,
  "spacing_z": 1.75,
  "summary_bg_k": 75.56912895622027,
  "summary_bg_mad": 0.9532187833876402,
  "summary_bg_mean": 10.013263702392578,
  "summary_bg_median": 0.6477270126342773,
  "summary_bg_n": 592483.0,
  "summary_bg_p05": 0.002068517752923072,
  "summary_bg_p95": 51.878694534301765,
  "summary_bg_stdv": 28.568069458007812,
  "summary_fg_k": 2.7569026392079756,
  "summary_fg_mad": 206.81409613201225,
  "summary_fg_mean": 779.359130859375,
  "summary_fg_median": 750.14208984375,
  "summary_fg_n": 158582.0,
  "summary_fg_p05": 460.3000183105469,
  "summary_fg_p95": 1189.9259155273437,
  "summary_fg_stdv": 234.9153289794922,
  "tsnr": 56.711856842041016
}