{
  "aor": 0.011265063291139242,
  "aqi": 0.016152870759493673,
  "bids_meta": {
    "AcquisitionNumber": 9,
    "Conditions": [
      "Toes",
      "Ankle",
      "Knee",
      "Abdomen",
      "Shoulder",
      "Elbow",
      "Wrist",
      "Little finger",
      "Ring finger",
      "Middle finger",
      "Index finger",
      "Thumb",
      "Forehead",
      "Eyelid",
      "Nostrils",
      "Lip",
      "Jaw",
      "Tongue"
    ],
    "ConversionSoftware": "dcm2niix",
    "ConversionSoftwareVersion": "v1.0.20211006",
    "EchoTime": 0.025,
    "FlipAngle": 70,
    "ImageComments": "fMRI_PC",
    "ImageOrientationPatientDICOM": [
      1,
      0,
      0,
      0,
      1,
      0
    ],
    "MagneticFieldStrength": 7,
    "Manufacturer": "Philips",
    "Modality": "MR",
    "MultisliceMode": "interleaved",
    "PatientPosition": "HFS",
    "PhilipsRescaleIntercept": 0,
    "PhilipsRescaleSlope": 1.88571,
    "PhilipsScaleSlope": 0.00456854,
    "ProtocolName": "fMRI_BodyMap",
    "RepetitionTime": 2.1,
    "SeriesDescription": "ImageMRSERIES",
    "SeriesNumber": 9,
    "SliceThickness": 1.75,
    "SliceTiming": [
      0.0,
      1.07561,
      0.0512195,
      1.12683,
      0.102439,
      1.17805,
      0.153659,
      1.22927,
      0.204878,
      1.28049,
      0.256098,
      1.33171,
      0.307317,
      1.38293,
      0.358537,
      1.43415,
      0.409756,
      1.48537,
      0.460976,
      1.53659,
      0.512195,
      1.5878,
      0.563415,
      1.63902,
      0.614634,
      1.69024,
      0.665854,
      1.74146,
      0.717073,
      1.79268,
      0.768293,
      1.8439,
      0.819512,
      1.89512,
      0.870732,
      1.94634,
      0.921951,
      1.99756,
      0.973171,
      2.04878,
      1.02439
    ],
    "Slices": 41,
    "TR": 2.1,
    "TaskName": "Body Motor",
    "UsePhilipsFloatNotDisplayScaling": 0,
    "dataset": "ds003972",
    "modality": "bold",
    "run_id": 2,
    "subject_id": "05",
    "task_id": "bodymotor"
  },
  "dummy_trs": 0,
  "dvars_nstd": 44.753395816355955,
  "dvars_std": 1.108679868432204,
  "dvars_vstd": 0.9774495161016946,
  "efc": 0.43187596583144794,
  "fber": 415349.375,
  "fd_mean": 0.24619586508666239,
  "fd_num": 97,
  "fd_perc": 40.92827004219409,
  "fwhm_avg": 2.246634190353724,
  "fwhm_x": 2.265321612719827,
  "fwhm_y": 2.494552386912774,
  "fwhm_z": 1.9800285714285715,
  "gcor": 0.0414335,
  "gsr_x": 0.0026220236904919147,
  "gsr_y": 0.007829749956727028,
  "provenance": {
    "md5sum": "e448224ee144ba2af9f319966cf326c2",
    "settings": {
      "fd_thres": 0.2,
      "testing": false
    },
    "software": "mriqc",
    "version": "23.0.0",
    "webapi_port": null,
    "webapi_url": "https://mriqc.nimh.nih.gov/api/v1"
  },
  "size_t": 237,
  "size_x": 144,
  "size_y": 144,
  "size_z": 41,
  "snr": 3.3394530706900842,
  "spacing_tr": 2.0999999046325684,
  "spacing_x": 1.5859999656677246,
  "spacing_y": 1.5859999656677246,
  "spacing_z": 1.75,
  "summary_bg_k": 57.696916130392054,
  "summary_bg_mad": 1.5748256804611678,
  "summary_bg_mean": 14.59469223022461,
  "summary_bg_median": 1.0797737836837769,
  "summary_bg_n": 595323.0,
  "summary_bg_p05": 0.009098521899431946,
  "summary_bg_p95": 68.19096908569337,
  "summary_bg_stdv": 48.143524169921875,
  "summary_fg_k": 1.8427151119455987,
  "summary_fg_mad": 190.34914877114664,
  "summary_fg_mean": 736.6854858398438,
  "summary_fg_median": 717.146484375,
  "summary_fg_n": 155865.0,
  "summary_fg_p05": 428.2177795410156,
  "summary_fg_p95": 1109.9796142578123,
  "summary_fg_stdv": 214.74899291992188,
  "tsnr": 29.889873504638672
}