{
  "aor": 0.002744712041884816,
  "aqi": 0.019023035916230367,
  "bids_meta": {
    "AcquisitionNumber": 11,
    "Conditions": [
      "Toes",
      "Ankle",
      "Knee",
      "Abdomen",
      "Shoulder",
      "Elbow",
      "Wrist",
      "Little finger",
      "Ring finger",
      "Middle finger",
      "Index finger",
      "Thumb",
      "Forehead",
      "Eyelid",
      "Nostrils",
      "Lip",
      "Jaw",
      "Tongue"
    ],
    "ConversionSoftware": "dcm2niix",
    "ConversionSoftwareVersion": "v1.0.20211006",
    "EchoTime": 0.025,
    "FlipAngle": 70,
    "ImageComments": "fMRI_PC",
    "ImageOrientationPatientDICOM": [
      1,
      0,
      0,
      0,
      1,
      0
    ],
    "MagneticFieldStrength": 7,
    "Manufacturer": "Philips",
    "Modality": "MR",
    "MultisliceMode": "interleaved",
    "PatientPosition": "HFS",
    "PhilipsRescaleIntercept": 0,
    "PhilipsRescaleSlope": 1.84274,
    "PhilipsScaleSlope": 0.0048863,
    "ProtocolName": "fMRI_BodyMap",
    "RepetitionTime": 2.1,
    "SeriesDescription": "ImageMRSERIES",
    "SeriesNumber": 11,
    "SliceThickness": 1.75,
    "SliceTiming": [
      0.0,
      1.07561,
      0.0512195,
      1.12683,
      0.102439,
      1.17805,
      0.153659,
      1.22927,
      0.204878,
      1.28049,
      0.256098,
      1.33171,
      0.307317,
      1.38293,
      0.358537,
      1.43415,
      0.409756,
      1.48537,
      0.460976,
      1.53659,
      0.512195,
      1.5878,
      0.563415,
      1.63902,
      0.614634,
      1.69024,
      0.665854,
      1.74146,
      0.717073,
      1.79268,
      0.768293,
      1.8439,
      0.819512,
      1.89512,
      0.870732,
      1.94634,
      0.921951,
      1.99756,
      0.973171,
      2.04878,
      1.02439
    ],
    "Slices": 41,
    "TR": 2.1,
    "TaskName": "Body Motor",
    "UsePhilipsFloatNotDisplayScaling": 0,
    "dataset": "ds003972",
    "modality": "bold",
    "run_id": 3,
    "subject_id": "05",
    "task_id": "bodymotor"
  },
  "dummy_trs": 0,
  "dvars_nstd": 35.2458585236842,
  "dvars_std": 1.0507178250526314,
  "dvars_vstd": 0.9359418937894737,
  "efc": 0.4337264336269227,
  "fber": 383284.625,
  "fd_mean": 0.19313047672017875,
  "fd_num": 67,
  "fd_perc": 35.07853403141361,
  "fwhm_avg": 2.2257375977866602,
  "fwhm_x": 2.283196770736028,
  "fwhm_y": 2.5098045940525235,
  "fwhm_z": 1.8842114285714284,
  "gcor": 0.0188895,
  "gsr_x": 0.00047140117385424674,
  "gsr_y": 0.007552189286798239,
  "provenance": {
    "md5sum": "60fe85beddf8fa1a8a41b51cc3c8ddac",
    "settings": {
      "fd_thres": 0.2,
      "testing": false
    },
    "software": "mriqc",
    "version": "23.0.0",
    "webapi_port": null,
    "webapi_url": "https://mriqc.nimh.nih.gov/api/v1"
  },
  "size_t": 191,
  "size_x": 144,
  "size_y": 144,
  "size_z": 41,
  "snr": 3.3476445746692707,
  "spacing_tr": 2.0999999046325684,
  "spacing_x": 1.5859999656677246,
  "spacing_y": 1.5859999656677246,
  "spacing_z": 1.75,
  "summary_bg_k": 56.14684465445603,
  "summary_bg_mad": 1.7106189799997884,
  "summary_bg_mean": 15.705410957336426,
  "summary_bg_median": 1.1727416515350342,
  "summary_bg_n": 593706.0,
  "summary_bg_p05": 0.008455040631815791,
  "summary_bg_p95": 74.56884002685547,
  "summary_bg_stdv": 50.967254638671875,
  "summary_fg_k": 1.849400046291466,
  "summary_fg_mad": 199.61007367618095,
  "summary_fg_mean": 778.1575317382812,
  "summary_fg_median": 756.8014526367188,
  "summary_fg_n": 155535.0,
  "summary_fg_p05": 455.89093017578125,
  "summary_fg_p95": 1171.7475219726562,
  "summary_fg_stdv": 226.06910705566406,
  "tsnr": 33.108455657958984
}