{
  "aor": 0.008177905759162305,
  "aqi": 0.014825483874345548,
  "bids_meta": {
    "AcquisitionNumber": 12,
    "Conditions": [
      "Toes",
      "Ankle",
      "Knee",
      "Abdomen",
      "Shoulder",
      "Elbow",
      "Wrist",
      "Little finger",
      "Ring finger",
      "Middle finger",
      "Index finger",
      "Thumb",
      "Forehead",
      "Eyelid",
      "Nostrils",
      "Lip",
      "Jaw",
      "Tongue"
    ],
    "ConversionSoftware": "dcm2niix",
    "ConversionSoftwareVersion": "v1.0.20211006",
    "EchoTime": 0.025,
    "FlipAngle": 70,
    "ImageComments": "fMRI_PC",
    "ImageOrientationPatientDICOM": [
      1,
      0,
      0,
      0,
      1,
      0
    ],
    "MagneticFieldStrength": 7,
    "Manufacturer": "Philips",
    "Modality": "MR",
    "MultisliceMode": "interleaved",
    "PatientPosition": "HFS",
    "PhilipsRescaleIntercept": 0,
    "PhilipsRescaleSlope": 1.77949,
    "PhilipsScaleSlope": 0.00484611,
    "ProtocolName": "fMRI_BodyMap",
    "RepetitionTime": 2.1,
    "SeriesDescription": "ImageMRSERIES",
    "SeriesNumber": 12,
    "SliceThickness": 1.75,
    "SliceTiming": [
      0.0,
      1.07561,
      0.0512195,
      1.12683,
      0.102439,
      1.17805,
      0.153659,
      1.22927,
      0.204878,
      1.28049,
      0.256098,
      1.33171,
      0.307317,
      1.38293,
      0.358537,
      1.43415,
      0.409756,
      1.48537,
      0.460976,
      1.53659,
      0.512195,
      1.5878,
      0.563415,
      1.63902,
      0.614634,
      1.69024,
      0.665854,
      1.74146,
      0.717073,
      1.79268,
      0.768293,
      1.8439,
      0.819512,
      1.89512,
      0.870732,
      1.94634,
      0.921951,
      1.99756,
      0.973171,
      2.04878,
      1.02439
    ],
    "Slices": 41,
    "TR": 2.1,
    "TaskName": "Body Motor",
    "UsePhilipsFloatNotDisplayScaling": 0,
    "dataset": "ds003972",
    "modality": "bold",
    "run_id": 4,
    "subject_id": "05",
    "task_id": "bodymotor"
  },
  "dummy_trs": 0,
  "dvars_nstd": 42.1066506136842,
  "dvars_std": 1.1107512170526315,
  "dvars_vstd": 0.9638325212631579,
  "efc": 0.43074246752180084,
  "fber": 362169.875,
  "fd_mean": 0.23687296105614236,
  "fd_num": 83,
  "fd_perc": 43.455497382198956,
  "fwhm_avg": 2.230580635871942,
  "fwhm_x": 2.2529950046345806,
  "fwhm_y": 2.4837011886955316,
  "fwhm_z": 1.9550457142857145,
  "gcor": 0.0353919,
  "gsr_x": 0.0025686982553452253,
  "gsr_y": 0.008254039101302624,
  "provenance": {
    "md5sum": "e8d7eca7515c20d7dca31209e83a1bf9",
    "settings": {
      "fd_thres": 0.2,
      "testing": false
    },
    "software": "mriqc",
    "version": "23.0.0",
    "webapi_port": null,
    "webapi_url": "https://mriqc.nimh.nih.gov/api/v1"
  },
  "size_t": 191,
  "size_x": 144,
  "size_y": 144,
  "size_z": 41,
  "snr": 3.3898716184753797,
  "spacing_tr": 2.0999999046325684,
  "spacing_x": 1.5859999656677246,
  "spacing_y": 1.5859999656677246,
  "spacing_z": 1.75,
  "summary_bg_k": 57.14370940638432,
  "summary_bg_mad": 1.734931858725828,
  "summary_bg_mean": 15.056323051452637,
  "summary_bg_median": 1.1887837648391724,
  "summary_bg_n": 596859.0,
  "summary_bg_p05": 0.009059438295662404,
  "summary_bg_p95": 71.26048049926754,
  "summary_bg_stdv": 48.8878059387207,
  "summary_fg_k": 1.8262387763960826,
  "summary_fg_mad": 192.4574952731585,
  "summary_fg_mean": 754.4506225585938,
  "summary_fg_median": 735.09130859375,
  "summary_fg_n": 154032.0,
  "summary_fg_p05": 443.1436538696289,
  "summary_fg_p95": 1130.2585876464839,
  "summary_fg_stdv": 216.84860229492188,
  "tsnr": 31.614559173583984
}