{
  "aor": 0.006304050632911392,
  "aqi": 0.016345892025316455,
  "bids_meta": {
    "AcquisitionNumber": 8,
    "Conditions": [
      "Toes",
      "Ankle",
      "Knee",
      "Abdomen",
      "Shoulder",
      "Elbow",
      "Wrist",
      "Little finger",
      "Ring finger",
      "Middle finger",
      "Index finger",
      "Thumb",
      "Forehead",
      "Eyelid",
      "Nostrils",
      "Lip",
      "Jaw",
      "Tongue"
    ],
    "ConversionSoftware": "dcm2niix",
    "ConversionSoftwareVersion": "v1.0.20211006",
    "EchoTime": 0.025,
    "FlipAngle": 70,
    "ImageComments": "fMRI_PC",
    "ImageOrientationPatientDICOM": [
      1,
      0,
      0,
      0,
      1,
      0
    ],
    "MagneticFieldStrength": 7,
    "Manufacturer": "Philips",
    "Modality": "MR",
    "MultisliceMode": "interleaved",
    "PatientPosition": "HFS",
    "PhilipsRescaleIntercept": 0,
    "PhilipsRescaleSlope": 1.76435,
    "PhilipsScaleSlope": 0.00494241,
    "ProtocolName": "fMRI_BodyMap",
    "RepetitionTime": 2.1,
    "SeriesDescription": "ImageMRSERIES",
    "SeriesNumber": 8,
    "SliceThickness": 1.75,
    "SliceTiming": [
      0.0,
      1.07561,
      0.0512195,
      1.12683,
      0.102439,
      1.17805,
      0.153659,
      1.22927,
      0.204878,
      1.28049,
      0.256098,
      1.33171,
      0.307317,
      1.38293,
      0.358537,
      1.43415,
      0.409756,
      1.48537,
      0.460976,
      1.53659,
      0.512195,
      1.5878,
      0.563415,
      1.63902,
      0.614634,
      1.69024,
      0.665854,
      1.74146,
      0.717073,
      1.79268,
      0.768293,
      1.8439,
      0.819512,
      1.89512,
      0.870732,
      1.94634,
      0.921951,
      1.99756,
      0.973171,
      2.04878,
      1.02439
    ],
    "Slices": 41,
    "TR": 2.1,
    "TaskName": "Body Motor",
    "UsePhilipsFloatNotDisplayScaling": 0,
    "dataset": "ds003972",
    "modality": "bold",
    "run_id": 1,
    "subject_id": "05",
    "task_id": "bodymotor"
  },
  "dummy_trs": 0,
  "dvars_nstd": 38.99032760042374,
  "dvars_std": 1.1270397250847455,
  "dvars_vstd": 0.9775051441949154,
  "efc": 0.4327797701570501,
  "fber": 321468.40625,
  "fd_mean": 0.21754494007359879,
  "fd_num": 104,
  "fd_perc": 43.881856540084385,
  "fwhm_avg": 2.2335005352611037,
  "fwhm_x": 2.279861335607079,
  "fwhm_y": 2.4945145558905177,
  "fwhm_z": 1.9261257142857142,
  "gcor": 0.0316549,
  "gsr_x": 0.002767177065834403,
  "gsr_y": 0.0076313018798828125,
  "provenance": {
    "md5sum": "5ce05a9cc409415f3c1deb684f51436b",
    "settings": {
      "fd_thres": 0.2,
      "testing": false
    },
    "software": "mriqc",
    "version": "23.0.0",
    "webapi_port": null,
    "webapi_url": "https://mriqc.nimh.nih.gov/api/v1"
  },
  "size_t": 237,
  "size_x": 144,
  "size_y": 144,
  "size_z": 41,
  "snr": 3.3505512664964954,
  "spacing_tr": 2.0999999046325684,
  "spacing_x": 1.5859999656677246,
  "spacing_y": 1.5859999656677246,
  "spacing_z": 1.75,
  "summary_bg_k": 60.04936094750538,
  "summary_bg_mad": 1.7996712493738065,
  "summary_bg_mean": 15.00081729888916,
  "summary_bg_median": 1.247417688369751,
  "summary_bg_n": 594778.0,
  "summary_bg_p05": 0.0172140427865088,
  "summary_bg_p95": 68.71656799316408,
  "summary_bg_stdv": 49.59725570678711,
  "summary_fg_k": 1.7469840768927671,
  "summary_fg_mad": 193.84526307241399,
  "summary_fg_mean": 751.4821166992188,
  "summary_fg_median": 731.2571411132812,
  "summary_fg_n": 156012.0,
  "summary_fg_p05": 438.89150390625,
  "summary_fg_p95": 1130.0087829589838,
  "summary_fg_stdv": 218.2490997314453,
  "tsnr": 32.561153411865234
}