{
  "aor": 0.0040786497890295354,
  "aqi": 0.024409419113924056,
  "bids_meta": {
    "AcquisitionNumber": 8,
    "Conditions": [
      "Toes",
      "Ankle",
      "Knee",
      "Abdomen",
      "Shoulder",
      "Elbow",
      "Wrist",
      "Little finger",
      "Ring finger",
      "Middle finger",
      "Index finger",
      "Thumb",
      "Forehead",
      "Eyelid",
      "Nostrils",
      "Lip",
      "Jaw",
      "Tongue"
    ],
    "ConversionSoftware": "dcm2niix",
    "ConversionSoftwareVersion": "v1.0.20211006",
    "EchoTime": 0.025,
    "FlipAngle": 70,
    "ImageComments": "fMRI_PC",
    "ImageOrientationPatientDICOM": [
      1,
      0,
      0,
      0,
      1,
      0
    ],
    "MagneticFieldStrength": 7,
    "Manufacturer": "Philips",
    "Modality": "MR",
    "MultisliceMode": "interleaved",
    "PatientPosition": "HFS",
    "PhilipsRescaleIntercept": 0,
    "PhilipsRescaleSlope": 1.85421,
    "PhilipsScaleSlope": 0.00490008,
    "ProtocolName": "fMRI_BodyMap_237",
    "RepetitionTime": 2.1,
    "SeriesDescription": "ImageMRSERIES",
    "SeriesNumber": 8,
    "SliceThickness": 1.75,
    "SliceTiming": [
      0.0,
      1.07561,
      0.0512195,
      1.12683,
      0.102439,
      1.17805,
      0.153659,
      1.22927,
      0.204878,
      1.28049,
      0.256098,
      1.33171,
      0.307317,
      1.38293,
      0.358537,
      1.43415,
      0.409756,
      1.48537,
      0.460976,
      1.53659,
      0.512195,
      1.5878,
      0.563415,
      1.63902,
      0.614634,
      1.69024,
      0.665854,
      1.74146,
      0.717073,
      1.79268,
      0.768293,
      1.8439,
      0.819512,
      1.89512,
      0.870732,
      1.94634,
      0.921951,
      1.99756,
      0.973171,
      2.04878,
      1.02439
    ],
    "Slices": 41,
    "TR": 2.1,
    "TaskName": "Body Motor",
    "UsePhilipsFloatNotDisplayScaling": 0,
    "dataset": "ds003972",
    "modality": "bold",
    "run_id": 2,
    "subject_id": "03",
    "task_id": "bodymotor"
  },
  "dummy_trs": 0,
  "dvars_nstd": 33.77886035093221,
  "dvars_std": 0.9806838047881355,
  "dvars_vstd": 0.8835460953813561,
  "efc": 0.4328286024309293,
  "fber": 1277168.75,
  "fd_mean": 0.15057832107870517,
  "fd_num": 41,
  "fd_perc": 17.29957805907173,
  "fwhm_avg": 2.5418731796410374,
  "fwhm_x": 2.5735624768954954,
  "fwhm_y": 2.9236570620276163,
  "fwhm_z": 2.1284,
  "gcor": 0.0288026,
  "gsr_x": -0.014064010232686996,
  "gsr_y": 0.020055009052157402,
  "provenance": {
    "md5sum": "aef2fee5268d446f058724d93b6587ea",
    "settings": {
      "fd_thres": 0.2,
      "testing": false
    },
    "software": "mriqc",
    "version": "23.0.0",
    "webapi_port": null,
    "webapi_url": "https://mriqc.nimh.nih.gov/api/v1"
  },
  "size_t": 237,
  "size_x": 144,
  "size_y": 144,
  "size_z": 41,
  "snr": 3.2770651455799618,
  "spacing_tr": 2.0999999046325684,
  "spacing_x": 1.5859999656677246,
  "spacing_y": 1.5859999656677246,
  "spacing_z": 1.75,
  "summary_bg_k": 70.09398345301084,
  "summary_bg_mad": 0.8746587202319624,
  "summary_bg_mean": 9.68588924407959,
  "summary_bg_median": 0.5996745824813843,
  "summary_bg_n": 586702.0,
  "summary_bg_p05": 0.006550211692228913,
  "summary_bg_p95": 49.394666862487774,
  "summary_bg_stdv": 27.290102005004883,
  "summary_fg_k": 2.434626958815028,
  "summary_fg_mad": 193.70771696815808,
  "summary_fg_mean": 742.2210693359375,
  "summary_fg_median": 715.4133911132812,
  "summary_fg_n": 162036.0,
  "summary_fg_p05": 443.3568344116211,
  "summary_fg_p95": 1124.9017028808594,
  "summary_fg_stdv": 218.30850219726562,
  "tsnr": 34.00790786743164
}