{
  "aor": 0.006132700421940929,
  "aqi": 0.010987237679324894,
  "bids_meta": {
    "AcquisitionNumber": 7,
    "Conditions": [
      "Toes",
      "Ankle",
      "Knee",
      "Abdomen",
      "Shoulder",
      "Elbow",
      "Wrist",
      "Little finger",
      "Ring finger",
      "Middle finger",
      "Index finger",
      "Thumb",
      "Forehead",
      "Eyelid",
      "Nostrils",
      "Lip",
      "Jaw",
      "Tongue"
    ],
    "ConversionSoftware": "dcm2niix",
    "ConversionSoftwareVersion": "v1.0.20211006",
    "EchoTime": 0.025,
    "FlipAngle": 70,
    "ImageComments": "fMRI_PC",
    "ImageOrientationPatientDICOM": [
      1,
      0,
      0,
      0,
      1,
      0
    ],
    "MagneticFieldStrength": 7,
    "Manufacturer": "Philips",
    "Modality": "MR",
    "MultisliceMode": "interleaved",
    "PatientPosition": "HFS",
    "PhilipsRescaleIntercept": 0,
    "PhilipsRescaleSlope": 1.99365,
    "PhilipsScaleSlope": 0.0048868,
    "ProtocolName": "fMRI_BodyMap_237",
    "RepetitionTime": 2.1,
    "SeriesDescription": "ImageMRSERIES",
    "SeriesNumber": 7,
    "SliceThickness": 1.75,
    "SliceTiming": [
      0.0,
      1.07561,
      0.0512195,
      1.12683,
      0.102439,
      1.17805,
      0.153659,
      1.22927,
      0.204878,
      1.28049,
      0.256098,
      1.33171,
      0.307317,
      1.38293,
      0.358537,
      1.43415,
      0.409756,
      1.48537,
      0.460976,
      1.53659,
      0.512195,
      1.5878,
      0.563415,
      1.63902,
      0.614634,
      1.69024,
      0.665854,
      1.74146,
      0.717073,
      1.79268,
      0.768293,
      1.8439,
      0.819512,
      1.89512,
      0.870732,
      1.94634,
      0.921951,
      1.99756,
      0.973171,
      2.04878,
      1.02439
    ],
    "Slices": 41,
    "TR": 2.1,
    "TaskName": "Body Motor",
    "UsePhilipsFloatNotDisplayScaling": 0,
    "dataset": "ds003972",
    "modality": "bold",
    "run_id": 1,
    "subject_id": "03",
    "task_id": "bodymotor"
  },
  "dummy_trs": 0,
  "dvars_nstd": 29.332659616228824,
  "dvars_std": 1.1103935978813562,
  "dvars_vstd": 0.964199606440678,
  "efc": 0.4300849190396133,
  "fber": 1215392.875,
  "fd_mean": 0.1519519746378837,
  "fd_num": 42,
  "fd_perc": 17.72151898734177,
  "fwhm_avg": 2.562620357393653,
  "fwhm_x": 2.5364124130396024,
  "fwhm_y": 2.886860087712784,
  "fwhm_z": 2.2645885714285714,
  "gcor": 0.0128323,
  "gsr_x": -0.011320778168737888,
  "gsr_y": 0.0175210889428854,
  "provenance": {
    "md5sum": "e1a09a779e1669d19529adf58153f3a3",
    "settings": {
      "fd_thres": 0.2,
      "testing": false
    },
    "software": "mriqc",
    "version": "23.0.0",
    "webapi_port": null,
    "webapi_url": "https://mriqc.nimh.nih.gov/api/v1"
  },
  "size_t": 237,
  "size_x": 144,
  "size_y": 144,
  "size_z": 41,
  "snr": 3.288854749140617,
  "spacing_tr": 2.0999999046325684,
  "spacing_x": 1.5859999656677246,
  "spacing_y": 1.5859999656677246,
  "spacing_z": 1.75,
  "summary_bg_k": 74.49450495918299,
  "summary_bg_mad": 1.0174289421129001,
  "summary_bg_mean": 10.333745002746582,
  "summary_bg_median": 0.6919029355049133,
  "summary_bg_n": 589457.0,
  "summary_bg_p05": 0.003684697300195694,
  "summary_bg_p95": 53.27981948852536,
  "summary_bg_stdv": 29.46984100341797,
  "summary_fg_k": 2.454494606957363,
  "summary_fg_mad": 207.90360606309181,
  "summary_fg_mean": 798.9386596679688,
  "summary_fg_median": 771.2630615234375,
  "summary_fg_n": 161758.0,
  "summary_fg_p05": 476.2615142822266,
  "summary_fg_p95": 1208.752813720703,
  "summary_fg_stdv": 234.5073699951172,
  "tsnr": 41.56020736694336
}